{
	"Modality": "MR",
	"MagneticFieldStrength": 3,
	"Manufacturer": "Siemens",
	"ManufacturersModelName": "Prisma_fit",
	"InstitutionName": "Center_for_Clinical_Imaging_Research",
	"InstitutionalDepartmentName": "WP-MR30A",
	"InstitutionAddress": "South_Kingshighway_510_Saint_Louis_MO_US_63110",
	"DeviceSerialNumber": "167047",
	"StationName": "CCIRWP-MR30A",
	"BodyPartExamined": "BRAIN",
	"PatientPosition": "HFS",
	"ProcedureStepDescription": "CCIR-00900_CCIR-0987_Braver",
	"SoftwareVersions": "syngo_MR_E11",
	"MRAcquisitionType": "2D",
	"SeriesDescription": "CMRR_fMRI_TASK_AP_3mm_442meas_SBRef",
	"ProtocolName": "CMRR_fMRI_TASK_AP_3mm_442meas",
	"ScanningSequence": "EP",
	"SequenceVariant": "SK_SS",
	"ScanOptions": "FS_EXT",
	"SequenceName": "epfid2d1_76",
	"ImageType": ["ORIGINAL", "PRIMARY", "M", "ND", "NORM", "MOSAIC"],
	"SeriesNumber": 25,
	"AcquisitionTime": "15:46:43.135000",
	"AcquisitionNumber": 1,
	"ImageComments": "Single-band_reference",
	"SliceThickness": 3,
	"SpacingBetweenSlices": 3,
	"SAR": 0.0458752,
	"EchoTime": 0.03,
	"RepetitionTime": 1,
	"FlipAngle": 52,
	"PartialFourier": 1,
	"BaseResolution": 76,
	"ShimSetting": [
		4609,
		7711,
		1604,
		430,
		9,
		65,
		-33,
		-16	],
	"TxRefAmp": 239.132,
	"PhaseResolution": 1,
	"ReceiveCoilName": "Head_32",
	"ReceiveCoilActiveElements": "HEA;HEP",
	"PulseSequenceDetails": "%CustomerSeq%_cmrr_mbep2d_bold",
	"ConsistencyInfo": "N4_VE11C_LATEST_20160120",
	"PercentPhaseFOV": 100,
	"EchoTrainLength": 76,
	"PhaseEncodingSteps": 76,
	"AcquisitionMatrixPE": 76,
	"ReconMatrixPE": 76,
	"BandwidthPerPixelPhaseEncode": 26.853,
	"EffectiveEchoSpacing": 0.000489997,
	"DerivedVendorReportedEchoSpacing": 0.000489997,
	"TotalReadoutTime": 0.0367498,
	"PixelBandwidth": 2630,
	"DwellTime": 2.5e-06,
	"PhaseEncodingDirection": "j-",
	"SliceTiming": [
		0,
		0.075,
		0.15,
		0.2275,
		0.3025,
		0.3775,
		0.4525,
		0.5275,
		0.6025,
		0.6775,
		0.755,
		0.83,
		0.905,
		0.98,
		1.055,
		1.13,
		1.2075,
		1.2825,
		1.3575,
		1.4325,
		1.5075,
		1.5825,
		1.6575,
		1.735,
		1.81,
		1.885,
		1.96,
		2.035,
		2.11,
		2.185,
		2.2625,
		2.3375,
		2.4125,
		2.4875,
		2.5625,
		2.6375,
		2.715,
		2.79,
		2.865,
		2.94,
		3.015,
		3.09,
		3.165,
		3.2425,
		3.3175,
		3.3925,
		3.4675,
		3.5425,
		3.6175,
		3.695,
		3.77,
		3.845	],
	"ImageOrientationPatientDICOM": [
		0.999268,
		-0.00126896,
		-0.0382435,
		-0.00331375,
		0.992825,
		-0.119529	],
	"InPlanePhaseEncodingDirectionDICOM": "COL",
	"ConversionSoftware": "dcm2niix",
	"ConversionSoftwareVersion": "v1.0.20180328 (OpenJPEG build) Clang8.1.0"
}
