{
	"Modality": "MR",
	"MagneticFieldStrength": 3,
	"Manufacturer": "Siemens",
	"ManufacturersModelName": "Prisma_fit",
	"InstitutionName": "Center_for_Clinical_Imaging_Research",
	"InstitutionalDepartmentName": "WP-MR30A",
	"InstitutionAddress": "South_Kingshighway_510_Saint_Louis_MO_US_63110",
	"DeviceSerialNumber": "167047",
	"StationName": "CCIRWP-MR30A",
	"BodyPartExamined": "BRAIN",
	"PatientPosition": "HFS",
	"ProcedureStepDescription": "CCIR-00900_CCIR-0987_Braver",
	"SoftwareVersions": "syngo_MR_E11",
	"MRAcquisitionType": "2D",
	"SeriesDescription": "CMRR_fMRI_TASK_AP_3mm_442meas",
	"ProtocolName": "CMRR_fMRI_TASK_AP_3mm_442meas",
	"ScanningSequence": "EP",
	"SequenceVariant": "SK_SS",
	"ScanOptions": "FS_EXT",
	"SequenceName": "epfid2d1_76",
	"ImageType": ["ORIGINAL", "PRIMARY", "M", "MB", "ND", "NORM", "MOSAIC"],
	"SeriesNumber": 26,
	"AcquisitionTime": "15:46:51.135000",
	"AcquisitionNumber": 1,
	"ImageComments": "Unaliased_MB4_PE3_LB",
	"SliceThickness": 3,
	"SpacingBetweenSlices": 3,
	"SAR": 0.0458752,
	"EchoTime": 0.03,
	"RepetitionTime": 1,
	"FlipAngle": 52,
	"PartialFourier": 1,
	"BaseResolution": 76,
	"ShimSetting": [
		4609,
		7711,
		1604,
		430,
		9,
		65,
		-33,
		-16	],
	"TxRefAmp": 239.132,
	"PhaseResolution": 1,
	"ReceiveCoilName": "Head_32",
	"ReceiveCoilActiveElements": "HEA;HEP",
	"PulseSequenceDetails": "%CustomerSeq%_cmrr_mbep2d_bold",
	"ConsistencyInfo": "N4_VE11C_LATEST_20160120",
	"MultibandAccelerationFactor": 4,
	"PercentPhaseFOV": 100,
	"EchoTrainLength": 76,
	"PhaseEncodingSteps": 76,
	"AcquisitionMatrixPE": 76,
	"ReconMatrixPE": 76,
	"BandwidthPerPixelPhaseEncode": 26.853,
	"EffectiveEchoSpacing": 0.000489997,
	"DerivedVendorReportedEchoSpacing": 0.000489997,
	"TotalReadoutTime": 0.0367498,
	"PixelBandwidth": 2630,
	"DwellTime": 2.5e-06,
	"PhaseEncodingDirection": "j-",
	"SliceTiming": [
		0,
		0.5275,
		0.075,
		0.6025,
		0.15,
		0.6775,
		0.2275,
		0.755,
		0.3025,
		0.83,
		0.3775,
		0.905,
		0.4525,
		0,
		0.5275,
		0.075,
		0.6025,
		0.15,
		0.6775,
		0.2275,
		0.755,
		0.3025,
		0.83,
		0.3775,
		0.905,
		0.4525,
		0,
		0.5275,
		0.075,
		0.6025,
		0.15,
		0.6775,
		0.2275,
		0.755,
		0.3025,
		0.83,
		0.3775,
		0.905,
		0.4525,
		0,
		0.5275,
		0.075,
		0.6025,
		0.15,
		0.6775,
		0.2275,
		0.755,
		0.3025,
		0.83,
		0.3775,
		0.905,
		0.4525	],
	"ImageOrientationPatientDICOM": [
		0.999268,
		-0.00126896,
		-0.0382435,
		-0.00331375,
		0.992825,
		-0.119529	],
	"InPlanePhaseEncodingDirectionDICOM": "COL",
	"ConversionSoftware": "dcm2niix",
	"TaskName": "reward",
	"ConversionSoftwareVersion": "v1.0.20180328 (OpenJPEG build) Clang8.1.0"
}
