{
	"Modality": "MR",
	"MagneticFieldStrength": 3,
	"Manufacturer": "Siemens",
	"ManufacturersModelName": "Prisma_fit",
	"InstitutionName": "Center_for_Clinical_Imaging_Research",
	"InstitutionalDepartmentName": "WP-MR30A",
	"InstitutionAddress": "South_Kingshighway_510_Saint_Louis_MO_US_63110",
	"DeviceSerialNumber": "167047",
	"StationName": "CCIRWP-MR30A",
	"BodyPartExamined": "BRAIN",
	"PatientPosition": "HFS",
	"ProcedureStepDescription": "CCIR-00900_CCIR-0987_Braver",
	"SoftwareVersions": "syngo_MR_E11",
	"MRAcquisitionType": "2D",
	"SeriesDescription": "CMRR_fMRI_TASK_AP_30degree_3mm_442meas.",
	"ProtocolName": "CMRR_fMRI_TASK_AP_30degree_3mm_442meas.",
	"ScanningSequence": "EP",
	"SequenceVariant": "SK_SS",
	"ScanOptions": "FS_EXT",
	"SequenceName": "epfid2d1_76",
	"ImageType": ["ORIGINAL", "PRIMARY", "M", "MB", "ND", "NORM", "MOSAIC"],
	"SeriesNumber": 42,
	"AcquisitionTime": "16:19:59.415000",
	"AcquisitionNumber": 1,
	"ImageComments": "Unaliased_MB4_PE3_LB",
	"SliceThickness": 3,
	"SpacingBetweenSlices": 3,
	"SAR": 0.049404,
	"EchoTime": 0.03,
	"RepetitionTime": 1,
	"FlipAngle": 52,
	"PartialFourier": 1,
	"BaseResolution": 76,
	"ShimSetting": [
		4610,
		7706,
		1610,
		436,
		12,
		45,
		-43,
		-18	],
	"TxRefAmp": 239.132,
	"PhaseResolution": 1,
	"ReceiveCoilName": "Head_32",
	"ReceiveCoilActiveElements": "HEA;HEP",
	"PulseSequenceDetails": "%CustomerSeq%_cmrr_mbep2d_bold",
	"ConsistencyInfo": "N4_VE11C_LATEST_20160120",
	"MultibandAccelerationFactor": 4,
	"PercentPhaseFOV": 100,
	"EchoTrainLength": 76,
	"PhaseEncodingSteps": 76,
	"AcquisitionMatrixPE": 76,
	"ReconMatrixPE": 76,
	"BandwidthPerPixelPhaseEncode": 26.853,
	"EffectiveEchoSpacing": 0.000489997,
	"DerivedVendorReportedEchoSpacing": 0.000489997,
	"TotalReadoutTime": 0.0367498,
	"PixelBandwidth": 2630,
	"DwellTime": 2.5e-06,
	"PhaseEncodingDirection": "j-",
	"SliceTiming": [
		0,
		0.21,
		0.42,
		0.63,
		0.84,
		0.07,
		0.28,
		0.49,
		0.7,
		0.91,
		0.14,
		0.35,
		0.56,
		0.77,
		0,
		0.21,
		0.42,
		0.63,
		0.84,
		0.07,
		0.28,
		0.49,
		0.7,
		0.91,
		0.14,
		0.35,
		0.56,
		0.77,
		0,
		0.21,
		0.42,
		0.63,
		0.84,
		0.07,
		0.28,
		0.49,
		0.7,
		0.91,
		0.14,
		0.35,
		0.56,
		0.77,
		0,
		0.21,
		0.42,
		0.63,
		0.84,
		0.07,
		0.28,
		0.49,
		0.7,
		0.91,
		0.14,
		0.35,
		0.56,
		0.77	],
	"ImageOrientationPatientDICOM": [
		0.999272,
		-0.00155205,
		-0.0381198,
		-0.0216297,
		0.800028,
		-0.599573	],
	"InPlanePhaseEncodingDirectionDICOM": "COL",
	"ConversionSoftware": "dcm2niix",
	"TaskName": "reward",
	"ConversionSoftwareVersion": "v1.0.20180328 (OpenJPEG build) Clang8.1.0"
}
