{
	"Modality": "MR",
	"MagneticFieldStrength": 3,
	"Manufacturer": "Siemens",
	"ManufacturersModelName": "Prisma_fit",
	"InstitutionName": "Center_for_Clinical_Imaging_Research",
	"InstitutionalDepartmentName": "WP-MR30A",
	"InstitutionAddress": "South_Kingshighway_510_Saint_Louis_MO_US_63110",
	"DeviceSerialNumber": "167047",
	"StationName": "CCIRWP-MR30A",
	"BodyPartExamined": "BRAIN",
	"PatientPosition": "HFS",
	"ProcedureStepDescription": "CCIR-00900_CCIR-0987_Braver",
	"SoftwareVersions": "syngo_MR_E11",
	"MRAcquisitionType": "2D",
	"SeriesDescription": "CMRR_fMRI_TASK_AP_2.4mm_368meas_SBRef",
	"ProtocolName": "CMRR_fMRI_TASK_AP_2.4mm_368meas",
	"ScanningSequence": "EP",
	"SequenceVariant": "SK_SS",
	"ScanOptions": "FS_EXT",
	"SequenceName": "epfid2d1_96",
	"ImageType": ["ORIGINAL", "PRIMARY", "M", "ND", "NORM", "MOSAIC"],
	"SeriesNumber": 17,
	"AcquisitionTime": "15:29:27.475000",
	"AcquisitionNumber": 1,
	"ImageComments": "Single-band_reference",
	"SliceThickness": 2.4,
	"SpacingBetweenSlices": 2.4,
	"SAR": 0.044071,
	"EchoTime": 0.03,
	"RepetitionTime": 1.2,
	"FlipAngle": 52,
	"PartialFourier": 1,
	"BaseResolution": 96,
	"ShimSetting": [
		4608,
		7714,
		1602,
		416,
		7,
		95,
		-35,
		-18	],
	"TxRefAmp": 239.132,
	"PhaseResolution": 1,
	"ReceiveCoilName": "Head_32",
	"ReceiveCoilActiveElements": "HEA;HEP",
	"PulseSequenceDetails": "%CustomerSeq%_cmrr_mbep2d_bold",
	"ConsistencyInfo": "N4_VE11C_LATEST_20160120",
	"PercentPhaseFOV": 100,
	"EchoTrainLength": 96,
	"PhaseEncodingSteps": 96,
	"AcquisitionMatrixPE": 96,
	"ReconMatrixPE": 96,
	"BandwidthPerPixelPhaseEncode": 21.259,
	"EffectiveEchoSpacing": 0.000489989,
	"DerivedVendorReportedEchoSpacing": 0.000489989,
	"TotalReadoutTime": 0.0465489,
	"PixelBandwidth": 2605,
	"DwellTime": 2e-06,
	"PhaseEncodingDirection": "j-",
	"SliceTiming": [
		0,
		0.0775,
		0.155,
		0.235,
		0.3125,
		0.3925,
		0.47,
		0.55,
		0.6275,
		0.7075,
		0.785,
		0.865,
		0.9425,
		1.0225,
		1.1,
		1.18,
		1.2575,
		1.335,
		1.415,
		1.4925,
		1.5725,
		1.65,
		1.73,
		1.8075,
		1.8875,
		1.965,
		2.045,
		2.1225,
		2.2025,
		2.28,
		2.3575,
		2.4375,
		2.515,
		2.595,
		2.6725,
		2.7525,
		2.83,
		2.91,
		2.9875,
		3.0675,
		3.145,
		3.225,
		3.3025,
		3.3825,
		3.46,
		3.5375,
		3.6175,
		3.695,
		3.775,
		3.8525,
		3.9325,
		4.01,
		4.09,
		4.1675,
		4.2475,
		4.325,
		4.405,
		4.4825,
		4.56,
		4.64	],
	"ImageOrientationPatientDICOM": [
		0.999268,
		-0.00126896,
		-0.0382435,
		-0.00331375,
		0.992825,
		-0.119529	],
	"InPlanePhaseEncodingDirectionDICOM": "COL",
	"ConversionSoftware": "dcm2niix",
	"ConversionSoftwareVersion": "v1.0.20180328 (OpenJPEG build) Clang8.1.0"
}
