{
	"Modality": "MR",
	"MagneticFieldStrength": 3,
	"Manufacturer": "Siemens",
	"ManufacturersModelName": "Prisma_fit",
	"InstitutionName": "Center_for_Clinical_Imaging_Research",
	"InstitutionalDepartmentName": "WP-MR30A",
	"InstitutionAddress": "South_Kingshighway_510_Saint_Louis_MO_US_63110",
	"DeviceSerialNumber": "167047",
	"StationName": "CCIRWP-MR30A",
	"BodyPartExamined": "BRAIN",
	"PatientPosition": "HFS",
	"ProcedureStepDescription": "CCIR-00900_CCIR-0987_Braver",
	"SoftwareVersions": "syngo_MR_E11",
	"MRAcquisitionType": "2D",
	"SeriesDescription": "CMRR_fMRI_TASK_AP_30degree_2.4mm_368meas_SBRef",
	"ProtocolName": "CMRR_fMRI_TASK_AP_30degree_2.4mm_368meas",
	"ScanningSequence": "EP",
	"SequenceVariant": "SK_SS",
	"ScanOptions": "FS_EXT",
	"SequenceName": "epfid2d1_96",
	"ImageType": ["ORIGINAL", "PRIMARY", "M", "ND", "NORM", "MOSAIC"],
	"SeriesNumber": 33,
	"AcquisitionTime": "16:03:15.462500",
	"AcquisitionNumber": 1,
	"ImageComments": "Single-band_reference",
	"SliceThickness": 2.4,
	"SpacingBetweenSlices": 2.4,
	"SAR": 0.0470091,
	"EchoTime": 0.03,
	"RepetitionTime": 1.2,
	"FlipAngle": 52,
	"PartialFourier": 1,
	"BaseResolution": 96,
	"ShimSetting": [
		4611,
		7710,
		1613,
		460,
		10,
		72,
		-45,
		-21	],
	"TxRefAmp": 239.132,
	"PhaseResolution": 1,
	"ReceiveCoilName": "Head_32",
	"ReceiveCoilActiveElements": "HEA;HEP",
	"PulseSequenceDetails": "%CustomerSeq%_cmrr_mbep2d_bold",
	"ConsistencyInfo": "N4_VE11C_LATEST_20160120",
	"PercentPhaseFOV": 100,
	"EchoTrainLength": 96,
	"PhaseEncodingSteps": 96,
	"AcquisitionMatrixPE": 96,
	"ReconMatrixPE": 96,
	"BandwidthPerPixelPhaseEncode": 21.259,
	"EffectiveEchoSpacing": 0.000489989,
	"DerivedVendorReportedEchoSpacing": 0.000489989,
	"TotalReadoutTime": 0.0465489,
	"PixelBandwidth": 2605,
	"DwellTime": 2e-06,
	"PhaseEncodingDirection": "j-",
	"SliceTiming": [
		0,
		0.075,
		0.1475,
		0.2225,
		0.295,
		0.37,
		0.4425,
		0.5175,
		0.59,
		0.665,
		0.7375,
		0.8125,
		0.885,
		0.96,
		1.0325,
		1.1075,
		1.18,
		1.255,
		1.3275,
		1.4025,
		1.475,
		1.55,
		1.6225,
		1.6975,
		1.77,
		1.845,
		1.9175,
		1.9925,
		2.065,
		2.14,
		2.2125,
		2.2875,
		2.36,
		2.435,
		2.5075,
		2.5825,
		2.655,
		2.73,
		2.8025,
		2.8775,
		2.95,
		3.025,
		3.0975,
		3.1725,
		3.245,
		3.32,
		3.3925,
		3.4675,
		3.54,
		3.615,
		3.6875,
		3.7625,
		3.835,
		3.91,
		3.9825,
		4.0575,
		4.13,
		4.205,
		4.2775,
		4.3525,
		4.425,
		4.5,
		4.5725,
		4.6475	],
	"ImageOrientationPatientDICOM": [
		0.999272,
		-0.00155205,
		-0.0381198,
		-0.0216297,
		0.800028,
		-0.599573	],
	"InPlanePhaseEncodingDirectionDICOM": "COL",
	"ConversionSoftware": "dcm2niix",
	"ConversionSoftwareVersion": "v1.0.20180328 (OpenJPEG build) Clang8.1.0"
}
