{
	"Modality": "MR",
	"MagneticFieldStrength": 3,
	"Manufacturer": "Siemens",
	"ManufacturersModelName": "Prisma_fit",
	"InstitutionName": "Center_for_Clinical_Imaging_Research",
	"InstitutionalDepartmentName": "WP-MR30A",
	"InstitutionAddress": "South_Kingshighway_510_Saint_Louis_MO_US_63110",
	"DeviceSerialNumber": "167047",
	"StationName": "CCIRWP-MR30A",
	"BodyPartExamined": "BRAIN",
	"PatientPosition": "HFS",
	"ProcedureStepDescription": "CCIR-00900_CCIR-0987_Braver",
	"SoftwareVersions": "syngo_MR_E11",
	"MRAcquisitionType": "2D",
	"SeriesDescription": "CMRR_fMRI_TASK_PA_2.4mm_368meas",
	"ProtocolName": "CMRR_fMRI_TASK_PA_2.4mm_368meas",
	"ScanningSequence": "EP",
	"SequenceVariant": "SK_SS",
	"ScanOptions": "FS_EXT",
	"SequenceName": "epfid2d1_96",
	"ImageType": ["ORIGINAL", "PRIMARY", "M", "MB", "ND", "NORM", "MOSAIC"],
	"SeriesNumber": 21,
	"AcquisitionTime": "15:38:0.150000",
	"AcquisitionNumber": 1,
	"ImageComments": "Unaliased_MB4_PE3_LB",
	"SliceThickness": 2.4,
	"SpacingBetweenSlices": 2.4,
	"SAR": 0.044071,
	"EchoTime": 0.03,
	"RepetitionTime": 1.2,
	"FlipAngle": 52,
	"PartialFourier": 1,
	"BaseResolution": 96,
	"ShimSetting": [
		4608,
		7714,
		1602,
		416,
		7,
		95,
		-35,
		-18	],
	"TxRefAmp": 239.132,
	"PhaseResolution": 1,
	"ReceiveCoilName": "Head_32",
	"ReceiveCoilActiveElements": "HEA;HEP",
	"PulseSequenceDetails": "%CustomerSeq%_cmrr_mbep2d_bold",
	"ConsistencyInfo": "N4_VE11C_LATEST_20160120",
	"MultibandAccelerationFactor": 4,
	"PercentPhaseFOV": 100,
	"EchoTrainLength": 96,
	"PhaseEncodingSteps": 96,
	"AcquisitionMatrixPE": 96,
	"ReconMatrixPE": 96,
	"BandwidthPerPixelPhaseEncode": 21.259,
	"EffectiveEchoSpacing": 0.000489989,
	"DerivedVendorReportedEchoSpacing": 0.000489989,
	"TotalReadoutTime": 0.0465489,
	"PixelBandwidth": 2605,
	"DwellTime": 2e-06,
	"PhaseEncodingDirection": "j",
	"SliceTiming": [
		0,
		0.63,
		0.08,
		0.7075,
		0.1575,
		0.7875,
		0.2375,
		0.865,
		0.315,
		0.945,
		0.395,
		1.0225,
		0.4725,
		1.1025,
		0.55,
		0,
		0.63,
		0.08,
		0.7075,
		0.1575,
		0.7875,
		0.2375,
		0.865,
		0.315,
		0.945,
		0.395,
		1.0225,
		0.4725,
		1.1025,
		0.55,
		0,
		0.63,
		0.08,
		0.7075,
		0.1575,
		0.7875,
		0.2375,
		0.865,
		0.315,
		0.945,
		0.395,
		1.0225,
		0.4725,
		1.1025,
		0.55,
		0,
		0.63,
		0.08,
		0.7075,
		0.1575,
		0.7875,
		0.2375,
		0.865,
		0.315,
		0.945,
		0.395,
		1.0225,
		0.4725,
		1.1025,
		0.55	],
	"ImageOrientationPatientDICOM": [
		0.999268,
		-0.00126896,
		-0.0382435,
		-0.00331375,
		0.992825,
		-0.119529	],
	"InPlanePhaseEncodingDirectionDICOM": "COL",
	"ConversionSoftware": "dcm2niix",
	"TaskName": "reward",
	"ConversionSoftwareVersion": "v1.0.20180328 (OpenJPEG build) Clang8.1.0"
}
