{
	"Modality": "MR",
	"MagneticFieldStrength": 3,
	"Manufacturer": "Siemens",
	"ManufacturersModelName": "Prisma_fit",
	"InstitutionName": "Center_for_Clinical_Imaging_Research",
	"InstitutionalDepartmentName": "WP-MR30A",
	"InstitutionAddress": "South_Kingshighway_510_Saint_Louis_MO_US_63110",
	"DeviceSerialNumber": "167047",
	"StationName": "CCIRWP-MR30A",
	"BodyPartExamined": "BRAIN",
	"PatientPosition": "HFS",
	"ProcedureStepDescription": "CCIR-00900_CCIR-0987_Braver",
	"SoftwareVersions": "syngo_MR_E11",
	"MRAcquisitionType": "2D",
	"SeriesDescription": "CMRR_fMRI_TASK_PA_30degree_2.4mm_368meas_SBRef",
	"ProtocolName": "CMRR_fMRI_TASK_PA_30degree_2.4mm_368meas",
	"ScanningSequence": "EP",
	"SequenceVariant": "SK_SS",
	"ScanOptions": "FS_EXT",
	"SequenceName": "epfid2d1_96",
	"ImageType": ["ORIGINAL", "PRIMARY", "M", "ND", "NORM", "MOSAIC"],
	"SeriesNumber": 36,
	"AcquisitionTime": "16:11:24.415000",
	"AcquisitionNumber": 1,
	"ImageComments": "Single-band_reference",
	"SliceThickness": 2.4,
	"SpacingBetweenSlices": 2.4,
	"SAR": 0.0470091,
	"EchoTime": 0.03,
	"RepetitionTime": 1.2,
	"FlipAngle": 52,
	"PartialFourier": 1,
	"BaseResolution": 96,
	"ShimSetting": [
		4611,
		7710,
		1613,
		460,
		10,
		72,
		-45,
		-21	],
	"TxRefAmp": 239.132,
	"PhaseResolution": 1,
	"ReceiveCoilName": "Head_32",
	"ReceiveCoilActiveElements": "HEA;HEP",
	"PulseSequenceDetails": "%CustomerSeq%_cmrr_mbep2d_bold",
	"ConsistencyInfo": "N4_VE11C_LATEST_20160120",
	"PercentPhaseFOV": 100,
	"EchoTrainLength": 96,
	"PhaseEncodingSteps": 96,
	"AcquisitionMatrixPE": 96,
	"ReconMatrixPE": 96,
	"BandwidthPerPixelPhaseEncode": 21.259,
	"EffectiveEchoSpacing": 0.000489989,
	"DerivedVendorReportedEchoSpacing": 0.000489989,
	"TotalReadoutTime": 0.0465489,
	"PixelBandwidth": 2605,
	"DwellTime": 2e-06,
	"PhaseEncodingDirection": "j",
	"SliceTiming": [
		0,
		0.0725,
		0.1475,
		0.22,
		0.295,
		0.3675,
		0.4425,
		0.515,
		0.59,
		0.6625,
		0.7375,
		0.81,
		0.885,
		0.9575,
		1.0325,
		1.105,
		1.18,
		1.2525,
		1.3275,
		1.4,
		1.475,
		1.5475,
		1.6225,
		1.695,
		1.77,
		1.8425,
		1.9175,
		1.99,
		2.065,
		2.1375,
		2.2125,
		2.285,
		2.36,
		2.4325,
		2.5075,
		2.58,
		2.655,
		2.7275,
		2.8025,
		2.875,
		2.95,
		3.0225,
		3.095,
		3.17,
		3.2425,
		3.3175,
		3.39,
		3.465,
		3.5375,
		3.6125,
		3.685,
		3.76,
		3.8325,
		3.9075,
		3.98,
		4.055,
		4.1275,
		4.2025,
		4.275,
		4.35,
		4.4225,
		4.4975,
		4.57,
		4.645	],
	"ImageOrientationPatientDICOM": [
		0.999272,
		-0.00155205,
		-0.0381198,
		-0.0216297,
		0.800028,
		-0.599573	],
	"InPlanePhaseEncodingDirectionDICOM": "COL",
	"ConversionSoftware": "dcm2niix",
	"ConversionSoftwareVersion": "v1.0.20180328 (OpenJPEG build) Clang8.1.0"
}
