{
	"Modality": "MR",
	"MagneticFieldStrength": 3,
	"Manufacturer": "Siemens",
	"ManufacturersModelName": "Prisma_fit",
	"InstitutionName": "Center_for_Clinical_Imaging_Research",
	"InstitutionalDepartmentName": "WP-MR30A",
	"InstitutionAddress": "South_Kingshighway_510_Saint_Louis_MO_US_63110",
	"DeviceSerialNumber": "167047",
	"StationName": "CCIRWP-MR30A",
	"BodyPartExamined": "BRAIN",
	"PatientPosition": "HFS",
	"ProcedureStepDescription": "CCIR-00900_CCIR-0987_Braver",
	"SoftwareVersions": "syngo_MR_E11",
	"MRAcquisitionType": "2D",
	"SeriesDescription": "CMRR_fMRI_TASK_PA_30degree_2.4mm_368meas",
	"ProtocolName": "CMRR_fMRI_TASK_PA_30degree_2.4mm_368meas",
	"ScanningSequence": "EP",
	"SequenceVariant": "SK_SS",
	"ScanOptions": "FS_EXT",
	"SequenceName": "epfid2d1_96",
	"ImageType": ["ORIGINAL", "PRIMARY", "M", "MB", "ND", "NORM", "MOSAIC"],
	"SeriesNumber": 37,
	"AcquisitionTime": "16:11:32.815000",
	"AcquisitionNumber": 1,
	"ImageComments": "Unaliased_MB4_PE3_LB",
	"SliceThickness": 2.4,
	"SpacingBetweenSlices": 2.4,
	"SAR": 0.0470091,
	"EchoTime": 0.03,
	"RepetitionTime": 1.2,
	"FlipAngle": 52,
	"PartialFourier": 1,
	"BaseResolution": 96,
	"ShimSetting": [
		4611,
		7710,
		1613,
		460,
		10,
		72,
		-45,
		-21	],
	"TxRefAmp": 239.132,
	"PhaseResolution": 1,
	"ReceiveCoilName": "Head_32",
	"ReceiveCoilActiveElements": "HEA;HEP",
	"PulseSequenceDetails": "%CustomerSeq%_cmrr_mbep2d_bold",
	"ConsistencyInfo": "N4_VE11C_LATEST_20160120",
	"MultibandAccelerationFactor": 4,
	"PercentPhaseFOV": 100,
	"EchoTrainLength": 96,
	"PhaseEncodingSteps": 96,
	"AcquisitionMatrixPE": 96,
	"ReconMatrixPE": 96,
	"BandwidthPerPixelPhaseEncode": 21.259,
	"EffectiveEchoSpacing": 0.000489989,
	"DerivedVendorReportedEchoSpacing": 0.000489989,
	"TotalReadoutTime": 0.0465489,
	"PixelBandwidth": 2605,
	"DwellTime": 2e-06,
	"PhaseEncodingDirection": "j",
	"SliceTiming": [
		0,
		0.515,
		1.0325,
		0.3675,
		0.885,
		0.22,
		0.7375,
		0.0725,
		0.59,
		1.105,
		0.4425,
		0.9575,
		0.295,
		0.81,
		0.1475,
		0.6625,
		0,
		0.515,
		1.0325,
		0.3675,
		0.885,
		0.22,
		0.7375,
		0.0725,
		0.59,
		1.105,
		0.4425,
		0.9575,
		0.295,
		0.81,
		0.1475,
		0.6625,
		0,
		0.515,
		1.0325,
		0.3675,
		0.885,
		0.22,
		0.7375,
		0.0725,
		0.59,
		1.105,
		0.4425,
		0.9575,
		0.295,
		0.81,
		0.1475,
		0.6625,
		0,
		0.515,
		1.0325,
		0.3675,
		0.885,
		0.22,
		0.7375,
		0.0725,
		0.59,
		1.105,
		0.4425,
		0.9575,
		0.295,
		0.81,
		0.1475,
		0.6625	],
	"ImageOrientationPatientDICOM": [
		0.999272,
		-0.00155205,
		-0.0381198,
		-0.0216297,
		0.800028,
		-0.599573	],
	"InPlanePhaseEncodingDirectionDICOM": "COL",
	"ConversionSoftware": "dcm2niix",
	"TaskName": "reward",
	"ConversionSoftwareVersion": "v1.0.20180328 (OpenJPEG build) Clang8.1.0"
}
