{
	"Modality": "MR",
	"MagneticFieldStrength": 3,
	"Manufacturer": "Siemens",
	"ManufacturersModelName": "Prisma_fit",
	"InstitutionName": "Center_for_Clinical_Imaging_Research",
	"InstitutionalDepartmentName": "WP-MR30A",
	"InstitutionAddress": "South_Kingshighway_510_Saint_Louis_MO_US_63110",
	"DeviceSerialNumber": "167047",
	"StationName": "CCIRWP-MR30A",
	"BodyPartExamined": "BRAIN",
	"PatientPosition": "HFS",
	"ProcedureStepDescription": "CCIR-00900_CCIR-0987_Braver",
	"SoftwareVersions": "syngo_MR_E11",
	"MRAcquisitionType": "2D",
	"SeriesDescription": "SpinEchoFieldMap_AP_30degree_2.4mm",
	"ProtocolName": "SpinEchoFieldMap_AP_30degree_2.4mm",
	"ScanningSequence": "EP",
	"SequenceVariant": "SK",
	"ScanOptions": "FS",
	"SequenceName": "epse2d1_96",
	"ImageType": ["ORIGINAL", "PRIMARY", "M", "ND", "MOSAIC"],
	"SeriesNumber": 31,
	"AcquisitionTime": "16:02:29.907500",
	"AcquisitionNumber": 1,
	"SliceThickness": 2.4,
	"SpacingBetweenSlices": 2.4,
	"SAR": 0.1349,
	"EchoTime": 0.066,
	"RepetitionTime": 8,
	"FlipAngle": 90,
	"PartialFourier": 1,
	"BaseResolution": 96,
	"ShimSetting": [
		4611,
		7710,
		1613,
		460,
		10,
		72,
		-45,
		-21	],
	"TxRefAmp": 239.132,
	"PhaseResolution": 1,
	"ReceiveCoilName": "Head_32",
	"ReceiveCoilActiveElements": "HEA;HEP",
	"PulseSequenceDetails": "%CustomerSeq%_cmrr_mbep2d_se",
	"ConsistencyInfo": "N4_VE11C_LATEST_20160120",
	"PercentPhaseFOV": 100,
	"EchoTrainLength": 96,
	"PhaseEncodingSteps": 96,
	"AcquisitionMatrixPE": 96,
	"ReconMatrixPE": 96,
	"BandwidthPerPixelPhaseEncode": 21.259,
	"EffectiveEchoSpacing": 0.000489989,
	"DerivedVendorReportedEchoSpacing": 0.000489989,
	"TotalReadoutTime": 0.0465489,
	"PixelBandwidth": 2605,
	"DwellTime": 2e-06,
	"PhaseEncodingDirection": "j-",
	"SliceTiming": [
		3.99,
		0,
		4.115,
		0.125,
		4.24,
		0.25,
		4.365,
		0.375,
		4.49,
		0.5,
		4.615,
		0.625,
		4.74,
		0.75,
		4.8625,
		0.875,
		4.9875,
		0.9975,
		5.1125,
		1.1225,
		5.2375,
		1.2475,
		5.3625,
		1.3725,
		5.4875,
		1.4975,
		5.6125,
		1.6225,
		5.7375,
		1.7475,
		5.86,
		1.8725,
		5.985,
		1.995,
		6.11,
		2.12,
		6.235,
		2.245,
		6.36,
		2.37,
		6.485,
		2.495,
		6.61,
		2.62,
		6.735,
		2.745,
		6.8575,
		2.8675,
		6.9825,
		2.9925,
		7.1075,
		3.1175,
		7.2325,
		3.2425,
		7.3575,
		3.3675,
		7.4825,
		3.4925,
		7.6075,
		3.6175,
		7.73,
		3.7425,
		7.855,
		3.865	],
	"ImageOrientationPatientDICOM": [
		0.999272,
		-0.00155205,
		-0.0381198,
		-0.0216297,
		0.800028,
		-0.599573	],
	"InPlanePhaseEncodingDirectionDICOM": "COL",
	"ConversionSoftware": "dcm2niix",
	"IntendedFor": "ses-01/func/sub-MOCCAG002_ses-01_task-reward_acq-multiband2p4tiltPA_run-06_bold.nii.gz",
	"ConversionSoftwareVersion": "v1.0.20180328 (OpenJPEG build) Clang8.1.0"
}
