{
	"Modality": "MR",
	"MagneticFieldStrength": 3,
	"Manufacturer": "Siemens",
	"ManufacturersModelName": "Prisma_fit",
	"InstitutionName": "CCIR_PRISMA",
	"InstitutionalDepartmentName": "WP-MR30A",
	"InstitutionAddress": "South_Kingshighway_510_Saint_Louis_MO_US_63110",
	"DeviceSerialNumber": "167047",
	"StationName": "CCIRWP-MR30A",
	"BodyPartExamined": "BRAIN",
	"PatientPosition": "HFS",
	"ProcedureStepDescription": "CCIR-00900_CCIR-0986_Braver",
	"SoftwareVersions": "syngo_MR_E11",
	"MRAcquisitionType": "2D",
	"SeriesDescription": "SpinEchoFieldMap_PA_2.4mm",
	"ProtocolName": "SpinEchoFieldMap_PA_2.4mm",
	"ScanningSequence": "EP",
	"SequenceVariant": "SK",
	"ScanOptions": "FS",
	"SequenceName": "epse2d1_96",
	"ImageType": ["ORIGINAL", "PRIMARY", "M", "ND", "NORM", "MOSAIC"],
	"SeriesNumber": 10,
	"AcquisitionTime": "14:36:44.540000",
	"AcquisitionNumber": 1,
	"SliceThickness": 2.4,
	"SpacingBetweenSlices": 2.4,
	"SAR": 0.176267,
	"EchoTime": 0.066,
	"RepetitionTime": 8,
	"FlipAngle": 90,
	"PartialFourier": 1,
	"BaseResolution": 96,
	"ShimSetting": [
		4589,
		7664,
		1628,
		357,
		-6,
		-147,
		68,
		58	],
	"TxRefAmp": 276.498,
	"PhaseResolution": 1,
	"ReceiveCoilName": "Head_32",
	"ReceiveCoilActiveElements": "HEA;HEP",
	"PulseSequenceDetails": "%CustomerSeq%_cmrr_mbep2d_se",
	"ConsistencyInfo": "N4_VE11C_LATEST_20160120",
	"PercentPhaseFOV": 100,
	"EchoTrainLength": 96,
	"PhaseEncodingSteps": 96,
	"AcquisitionMatrixPE": 96,
	"ReconMatrixPE": 96,
	"BandwidthPerPixelPhaseEncode": 21.259,
	"EffectiveEchoSpacing": 0.000489989,
	"DerivedVendorReportedEchoSpacing": 0.000489989,
	"TotalReadoutTime": 0.0465489,
	"PixelBandwidth": 2605,
	"DwellTime": 2e-06,
	"PhaseEncodingDirection": "j",
	"SliceTiming": [
		3.99,
		0,
		4.1225,
		0.1325,
		4.255,
		0.265,
		4.3875,
		0.4,
		4.5225,
		0.5325,
		4.655,
		0.665,
		4.7875,
		0.7975,
		4.92,
		0.93,
		5.0525,
		1.065,
		5.1875,
		1.1975,
		5.32,
		1.33,
		5.4525,
		1.4625,
		5.585,
		1.595,
		5.7175,
		1.73,
		5.8525,
		1.8625,
		5.985,
		1.995,
		6.1175,
		2.1275,
		6.25,
		2.26,
		6.3825,
		2.395,
		6.5175,
		2.5275,
		6.65,
		2.66,
		6.7825,
		2.7925,
		6.915,
		2.925,
		7.0475,
		3.06,
		7.1825,
		3.1925,
		7.315,
		3.325,
		7.4475,
		3.4575,
		7.58,
		3.59,
		7.7125,
		3.7225,
		7.8475,
		3.8575	],
	"ImageOrientationPatientDICOM": [
		0.998569,
		0.0332019,
		-0.0419231,
		-0.0268461,
		0.989216,
		0.143983	],
	"InPlanePhaseEncodingDirectionDICOM": "COL",
	"ConversionSoftware": "dcm2niix",
	"IntendedFor": "ses-01/func/sub-MOCCAG003_ses-01_task-delay_acq-multiband2p4flatAP_run-01_bold.nii.gz",
	"ConversionSoftwareVersion": "v1.0.20180328 (OpenJPEG build) Clang8.1.0"
}
