{
	"Modality": "MR",
	"MagneticFieldStrength": 3,
	"Manufacturer": "Siemens",
	"ManufacturersModelName": "Prisma_fit",
	"InstitutionName": "CCIR_PRISMA",
	"InstitutionalDepartmentName": "WP-MR30A",
	"InstitutionAddress": "South_Kingshighway_510_Saint_Louis_MO_US_63110",
	"DeviceSerialNumber": "167047",
	"StationName": "CCIRWP-MR30A",
	"BodyPartExamined": "BRAIN",
	"PatientPosition": "HFS",
	"ProcedureStepDescription": "CCIR-00900_CCIR-0986_Braver",
	"SoftwareVersions": "syngo_MR_E11",
	"MRAcquisitionType": "2D",
	"SeriesDescription": "SpinEchoFieldMap_PA_3mm",
	"ProtocolName": "SpinEchoFieldMap_PA_3mm",
	"ScanningSequence": "EP",
	"SequenceVariant": "SK",
	"ScanOptions": "FS",
	"SequenceName": "epse2d1_76",
	"ImageType": ["ORIGINAL", "PRIMARY", "M", "ND", "NORM", "MOSAIC"],
	"SeriesNumber": 21,
	"AcquisitionTime": "15:19:56.567500",
	"AcquisitionNumber": 1,
	"SliceThickness": 3,
	"SpacingBetweenSlices": 3,
	"SAR": 0.152764,
	"EchoTime": 0.066,
	"RepetitionTime": 8,
	"FlipAngle": 90,
	"PartialFourier": 1,
	"BaseResolution": 76,
	"ShimSetting": [
		4590,
		7662,
		1624,
		348,
		-3,
		-151,
		68,
		58	],
	"TxRefAmp": 276.498,
	"PhaseResolution": 1,
	"ReceiveCoilName": "Head_32",
	"ReceiveCoilActiveElements": "HEA;HEP",
	"PulseSequenceDetails": "%CustomerSeq%_cmrr_mbep2d_se",
	"ConsistencyInfo": "N4_VE11C_LATEST_20160120",
	"PercentPhaseFOV": 100,
	"EchoTrainLength": 76,
	"PhaseEncodingSteps": 76,
	"AcquisitionMatrixPE": 76,
	"ReconMatrixPE": 76,
	"BandwidthPerPixelPhaseEncode": 26.853,
	"EffectiveEchoSpacing": 0.000489997,
	"DerivedVendorReportedEchoSpacing": 0.000489997,
	"TotalReadoutTime": 0.0367498,
	"PixelBandwidth": 2630,
	"DwellTime": 2.5e-06,
	"PhaseEncodingDirection": "j",
	"SliceTiming": [
		3.99,
		0,
		4.145,
		0.155,
		4.2975,
		0.3075,
		4.4525,
		0.4625,
		4.605,
		0.615,
		4.7575,
		0.7675,
		4.9125,
		0.9225,
		5.065,
		1.075,
		5.22,
		1.23,
		5.3725,
		1.3825,
		5.525,
		1.535,
		5.68,
		1.69,
		5.8325,
		1.8425,
		5.985,
		1.995,
		6.14,
		2.15,
		6.2925,
		2.3025,
		6.4475,
		2.4575,
		6.6,
		2.61,
		6.7525,
		2.7625,
		6.9075,
		2.9175,
		7.06,
		3.07,
		7.215,
		3.225,
		7.3675,
		3.3775,
		7.52,
		3.53,
		7.675,
		3.685,
		7.8275,
		3.8375	],
	"ImageOrientationPatientDICOM": [
		0.998569,
		0.0332019,
		-0.0419231,
		-0.0268461,
		0.989216,
		0.143983	],
	"InPlanePhaseEncodingDirectionDICOM": "COL",
	"ConversionSoftware": "dcm2niix",
	"IntendedFor": "ses-01/func/sub-MOCCAG003_ses-01_task-delay_acq-multiband3p0MB2AP_run-02_bold.nii.gz",
	"ConversionSoftwareVersion": "v1.0.20180328 (OpenJPEG build) Clang8.1.0"
}
