{
	"Manufacturer": "Siemens",
	"ManufacturersModelName": "Prisma_fit",
	"EchoTrainLength": 76,
	"AcquisitionNumber": 1,
	"InstitutionName": "CCIR_PRISMA",
	"InstitutionAddress": "South_Kingshighway_510_Saint_Louis_MO_US_63110",
	"DeviceSerialNumber": "167047",
	"SoftwareVersions": "syngo_MR_E11",
	"ProcedureStepDescription": "CCIR-00900_CCIR-0986_Braver",
	"ScanningSequence": "EP",
	"SequenceVariant": "SK_SS",
	"SeriesDescription": "CMRR_fMRI_TASK_PA_3mm_596meas_SBRef",
	"BodyPartExamined": "BRAIN",
	"ProtocolName": "CMRR_fMRI_TASK_PA_3mm_596meas",
	"SequenceName": "epfid2d1_76",
	"ImageType": ["ORIGINAL", "PRIMARY", "M", "ND", "NORM", "MOSAIC"],
	"AcquisitionTime": "12:40:18.945000",
	"MagneticFieldStrength": 3,
	"FlipAngle": 52,
	"EchoTime": 0.03,
	"RepetitionTime": 1.8,
	"PhaseEncodingLines": 76,
	"BandwidthPerPixelPhaseEncode": 26.853,
	"EffectiveEchoSpacing": 0.000489997,
	"TotalReadoutTime": 0.0367498,
	"SliceTiming": [
		0,
		0.0675,
		0.1375,
		0.205,
		0.275,
		0.3425,
		0.41,
		0.48,
		0.5475,
		0.6175,
		0.685,
		0.7525,
		0.8225,
		0.89,
		0.9575,
		1.0275,
		1.095,
		1.165,
		1.2325,
		1.3,
		1.37,
		1.4375,
		1.5075,
		1.575,
		1.6425,
		1.7125,
		1.78,
		1.8475,
		1.9175,
		1.985,
		2.055,
		2.1225,
		2.19,
		2.26,
		2.3275,
		2.3975,
		2.465,
		2.5325,
		2.6025,
		2.67,
		2.7375,
		2.8075,
		2.875,
		2.945,
		3.0125,
		3.08,
		3.15,
		3.2175,
		3.2875,
		3.355,
		3.4225,
		3.4925	],
	"PhaseEncodingDirection": "j",
	"ConversionSoftware": "dcm2niix",
	"ConversionSoftwareVersion": "v1.0.20170624 (OpenJPEG build) MSC1900"
}
