{
	"Manufacturer": "Siemens",
	"ManufacturersModelName": "Prisma_fit",
	"EchoTrainLength": 76,
	"AcquisitionNumber": 1,
	"InstitutionName": "CCIR_PRISMA",
	"InstitutionAddress": "South_Kingshighway_510_Saint_Louis_MO_US_63110",
	"DeviceSerialNumber": "167047",
	"SoftwareVersions": "syngo_MR_E11",
	"ProcedureStepDescription": "CCIR-00900_CCIR-0986_Braver",
	"ScanningSequence": "EP",
	"SequenceVariant": "SK_SS",
	"SeriesDescription": "CMRR_fMRI_TASK_AP_3mm_1072meas_SBRef",
	"BodyPartExamined": "BRAIN",
	"ProtocolName": "CMRR_fMRI_TASK_AP_3mm_1072meas",
	"SequenceName": "epfid2d1_76",
	"ImageType": ["ORIGINAL", "PRIMARY", "M", "ND", "NORM", "MOSAIC"],
	"AcquisitionTime": "11:48:7.447500",
	"MagneticFieldStrength": 3,
	"FlipAngle": 52,
	"EchoTime": 0.03,
	"RepetitionTime": 1,
	"PhaseEncodingLines": 76,
	"BandwidthPerPixelPhaseEncode": 26.853,
	"EffectiveEchoSpacing": 0.000489997,
	"TotalReadoutTime": 0.0367498,
	"SliceTiming": [
		0,
		0.075,
		0.15,
		0.225,
		0.3,
		0.375,
		0.45,
		0.5275,
		0.6025,
		0.6775,
		0.7525,
		0.8275,
		0.9025,
		0.98,
		1.055,
		1.13,
		1.205,
		1.28,
		1.355,
		1.43,
		1.5075,
		1.5825,
		1.6575,
		1.7325,
		1.8075,
		1.8825,
		1.9575,
		2.035,
		2.11,
		2.185,
		2.26,
		2.335,
		2.41,
		2.4875,
		2.5625,
		2.6375,
		2.7125,
		2.7875,
		2.8625,
		2.9375,
		3.015,
		3.09,
		3.165,
		3.24,
		3.315,
		3.39,
		3.4675,
		3.5425,
		3.6175,
		3.6925,
		3.7675,
		3.8425	],
	"PhaseEncodingDirection": "j-",
	"ConversionSoftware": "dcm2niix",
	"ConversionSoftwareVersion": "v1.0.20170624 (OpenJPEG build) MSC1900"
}
