{
	"Manufacturer": "Siemens",
	"ManufacturersModelName": "Prisma_fit",
	"EchoTrainLength": 76,
	"AcquisitionNumber": 1,
	"InstitutionName": "CCIR_PRISMA",
	"InstitutionAddress": "South_Kingshighway_510_Saint_Louis_MO_US_63110",
	"DeviceSerialNumber": "167047",
	"SoftwareVersions": "syngo_MR_E11",
	"ProcedureStepDescription": "CCIR-00900_CCIR-0986_Braver",
	"ScanningSequence": "EP",
	"SequenceVariant": "SK_SS",
	"SeriesDescription": "CMRR_fMRI_TASK_AP_3mm_596meas_SBRef",
	"BodyPartExamined": "BRAIN",
	"ProtocolName": "CMRR_fMRI_TASK_AP_3mm_596meas",
	"SequenceName": "epfid2d1_76",
	"ImageType": ["ORIGINAL", "PRIMARY", "M", "ND", "NORM", "MOSAIC"],
	"AcquisitionTime": "12:24:8.432500",
	"MagneticFieldStrength": 3,
	"FlipAngle": 52,
	"EchoTime": 0.03,
	"RepetitionTime": 1.8,
	"PhaseEncodingLines": 76,
	"BandwidthPerPixelPhaseEncode": 26.853,
	"EffectiveEchoSpacing": 0.000489997,
	"TotalReadoutTime": 0.0367498,
	"SliceTiming": [
		0,
		0.0675,
		0.135,
		0.205,
		0.2725,
		0.34,
		0.41,
		0.4775,
		0.5475,
		0.615,
		0.6825,
		0.7525,
		0.82,
		0.8875,
		0.9575,
		1.025,
		1.095,
		1.1625,
		1.23,
		1.3,
		1.3675,
		1.4375,
		1.505,
		1.5725,
		1.6425,
		1.71,
		1.7775,
		1.8475,
		1.915,
		1.985,
		2.0525,
		2.12,
		2.19,
		2.2575,
		2.3275,
		2.395,
		2.4625,
		2.5325,
		2.6,
		2.6675,
		2.7375,
		2.805,
		2.875,
		2.9425,
		3.01,
		3.08,
		3.1475,
		3.2175,
		3.285,
		3.3525,
		3.4225,
		3.49	],
	"PhaseEncodingDirection": "j-",
	"ConversionSoftware": "dcm2niix",
	"ConversionSoftwareVersion": "v1.0.20170624 (OpenJPEG build) MSC1900"
}
