{
	"Manufacturer": "Siemens",
	"ManufacturersModelName": "Prisma_fit",
	"EchoTrainLength": 76,
	"AcquisitionNumber": 1,
	"InstitutionName": "CCIR_PRISMA",
	"InstitutionAddress": "South_Kingshighway_510_Saint_Louis_MO_US_63110",
	"DeviceSerialNumber": "167047",
	"SoftwareVersions": "syngo_MR_E11",
	"ProcedureStepDescription": "CCIR-00900_CCIR-0986_Braver",
	"ScanningSequence": "EP",
	"SequenceVariant": "SK_SS",
	"SeriesDescription": "CMRR_fMRI_TASK_PA_3mm_596meas",
	"BodyPartExamined": "BRAIN",
	"ProtocolName": "CMRR_fMRI_TASK_PA_3mm_596meas",
	"SequenceName": "epfid2d1_76",
	"ImageType": ["ORIGINAL", "PRIMARY", "M", "MB", "ND", "NORM", "MOSAIC"],
	"AcquisitionTime": "12:40:26.145000",
	"MagneticFieldStrength": 3,
	"FlipAngle": 52,
	"EchoTime": 0.03,
	"RepetitionTime": 1.8,
	"PhaseEncodingLines": 76,
	"BandwidthPerPixelPhaseEncode": 26.853,
	"EffectiveEchoSpacing": 0.000489997,
	"TotalReadoutTime": 0.0367498,
	"SliceTiming": [
		0,
		1.3,
		0.8225,
		0.3425,
		1.6425,
		1.165,
		0.685,
		0.205,
		1.5075,
		1.0275,
		0.5475,
		0.0675,
		1.37,
		0.89,
		0.41,
		1.7125,
		1.2325,
		0.7525,
		0.275,
		1.575,
		1.095,
		0.6175,
		0.1375,
		1.4375,
		0.9575,
		0.48,
		0,
		1.3,
		0.8225,
		0.3425,
		1.6425,
		1.165,
		0.685,
		0.205,
		1.5075,
		1.0275,
		0.5475,
		0.0675,
		1.37,
		0.89,
		0.41,
		1.7125,
		1.2325,
		0.7525,
		0.275,
		1.575,
		1.095,
		0.6175,
		0.1375,
		1.4375,
		0.9575,
		0.48	],
	"PhaseEncodingDirection": "j",
	"ConversionSoftware": "dcm2niix",
	"TaskName": "delay",
	"ConversionSoftwareVersion": "v1.0.20170624 (OpenJPEG build) MSC1900"
}
