{
	"Manufacturer": "Siemens",
	"ManufacturersModelName": "Prisma_fit",
	"EchoTrainLength": 76,
	"AcquisitionNumber": 1,
	"InstitutionName": "CCIR_PRISMA",
	"InstitutionAddress": "South_Kingshighway_510_Saint_Louis_MO_US_63110",
	"DeviceSerialNumber": "167047",
	"SoftwareVersions": "syngo_MR_E11",
	"ProcedureStepDescription": "CCIR-00900_CCIR-0986_Braver",
	"ScanningSequence": "EP",
	"SequenceVariant": "SK_SS",
	"SeriesDescription": "CMRR_fMRI_TASK_PA_3mm_1072meas_SBRef",
	"BodyPartExamined": "BRAIN",
	"ProtocolName": "CMRR_fMRI_TASK_PA_3mm_1072meas",
	"SequenceName": "epfid2d1_76",
	"ImageType": ["ORIGINAL", "PRIMARY", "M", "ND", "NORM", "MOSAIC"],
	"AcquisitionTime": "12:06:46.817500",
	"MagneticFieldStrength": 3,
	"FlipAngle": 52,
	"EchoTime": 0.03,
	"RepetitionTime": 1,
	"PhaseEncodingLines": 76,
	"BandwidthPerPixelPhaseEncode": 26.853,
	"EffectiveEchoSpacing": 0.000489997,
	"TotalReadoutTime": 0.0367498,
	"SliceTiming": [
		0,
		0.075,
		0.15,
		0.225,
		0.3025,
		0.3775,
		0.4525,
		0.5275,
		0.6025,
		0.6775,
		0.7525,
		0.83,
		0.905,
		0.98,
		1.055,
		1.13,
		1.205,
		1.28,
		1.3575,
		1.4325,
		1.5075,
		1.5825,
		1.6575,
		1.7325,
		1.81,
		1.885,
		1.96,
		2.035,
		2.11,
		2.185,
		2.26,
		2.3375,
		2.4125,
		2.4875,
		2.5625,
		2.6375,
		2.7125,
		2.79,
		2.865,
		2.94,
		3.015,
		3.09,
		3.165,
		3.24,
		3.3175,
		3.3925,
		3.4675,
		3.5425,
		3.6175,
		3.6925,
		3.7675,
		3.845	],
	"PhaseEncodingDirection": "j",
	"ConversionSoftware": "dcm2niix",
	"ConversionSoftwareVersion": "v1.0.20170624 (OpenJPEG build) MSC1900"
}
