{
	"Manufacturer": "Siemens",
	"ManufacturersModelName": "Prisma_fit",
	"EchoTrainLength": 76,
	"AcquisitionNumber": 1,
	"InstitutionName": "CCIR_PRISMA",
	"InstitutionAddress": "South_Kingshighway_510_Saint_Louis_MO_US_63110",
	"DeviceSerialNumber": "167047",
	"SoftwareVersions": "syngo_MR_E11",
	"ProcedureStepDescription": "CCIR-00900_CCIR-0986_Braver",
	"ScanningSequence": "EP",
	"SequenceVariant": "SK_SS",
	"SeriesDescription": "CMRR_fMRI_TASK_AP_3mm_596meas",
	"BodyPartExamined": "BRAIN",
	"ProtocolName": "CMRR_fMRI_TASK_AP_3mm_596meas",
	"SequenceName": "epfid2d1_76",
	"ImageType": ["ORIGINAL", "PRIMARY", "M", "MB", "ND", "NORM", "MOSAIC"],
	"AcquisitionTime": "12:24:15.632500",
	"MagneticFieldStrength": 3,
	"FlipAngle": 52,
	"EchoTime": 0.03,
	"RepetitionTime": 1.8,
	"PhaseEncodingLines": 76,
	"BandwidthPerPixelPhaseEncode": 26.853,
	"EffectiveEchoSpacing": 0.000489997,
	"TotalReadoutTime": 0.0367498,
	"SliceTiming": [
		0,
		1.3,
		0.82,
		0.34,
		1.6425,
		1.1625,
		0.6825,
		0.205,
		1.505,
		1.025,
		0.5475,
		0.0675,
		1.3675,
		0.8875,
		0.41,
		1.71,
		1.23,
		0.7525,
		0.2725,
		1.5725,
		1.095,
		0.615,
		0.135,
		1.4375,
		0.9575,
		0.4775,
		0,
		1.3,
		0.82,
		0.34,
		1.6425,
		1.1625,
		0.6825,
		0.205,
		1.505,
		1.025,
		0.5475,
		0.0675,
		1.3675,
		0.8875,
		0.41,
		1.71,
		1.23,
		0.7525,
		0.2725,
		1.5725,
		1.095,
		0.615,
		0.135,
		1.4375,
		0.9575,
		0.4775	],
	"PhaseEncodingDirection": "j-",
	"ConversionSoftware": "dcm2niix",
	"TaskName": "delay",
	"ConversionSoftwareVersion": "v1.0.20170624 (OpenJPEG build) MSC1900"
}
