{
	"Manufacturer": "Siemens",
	"ManufacturersModelName": "Prisma_fit",
	"EchoTrainLength": 266,
	"AcquisitionNumber": 1,
	"InstitutionName": "CCIR_PRISMA",
	"InstitutionAddress": "South_Kingshighway_510_Saint_Louis_MO_US_63110",
	"DeviceSerialNumber": "167047",
	"SoftwareVersions": "syngo_MR_E11",
	"ProcedureStepDescription": "CCIR-00900_Braver",
	"ScanningSequence": "SE",
	"SequenceVariant": "SK_SP",
	"SeriesDescription": "t2_spc_sag_p2_iso_0.8",
	"BodyPartExamined": "BRAIN",
	"ProtocolName": "t2_spc_sag_p2_iso_0.8",
	"SequenceName": "_spcR_320ns",
	"ImageType": ["ORIGINAL", "PRIMARY", "M", "NORM", "DIS2D"],
	"AcquisitionTime": "10:20:33.270000",
	"MagneticFieldStrength": 3,
	"FlipAngle": 120,
	"EchoTime": 0.409,
	"RepetitionTime": 3,
	"PhaseEncodingLines": 320,
	"AccelFactPE": 2,
	"PhaseEncodingDirection": "i-",
	"ConversionSoftware": "dcm2niix",
	"ConversionSoftwareVersion": "v1.0.20170624 (OpenJPEG build) MSC1900"
}
