{
	"Manufacturer": "Siemens",
	"ManufacturersModelName": "Prisma_fit",
	"AcquisitionNumber": 1,
	"InstitutionName": "CCIR_PRISMA",
	"InstitutionAddress": "South_Kingshighway_510_Saint_Louis_MO_US_63110",
	"DeviceSerialNumber": "167047",
	"SoftwareVersions": "syngo_MR_E11",
	"ProcedureStepDescription": "CCIR-00900_Braver",
	"ScanningSequence": "GR_IR",
	"SequenceVariant": "SK_SP_MP",
	"SeriesDescription": "T1_MPRAGE_sag_p2_iso_0.8",
	"BodyPartExamined": "BRAIN",
	"ProtocolName": "T1_MPRAGE_sag_p2_iso_0.8",
	"SequenceName": "_tfl3d1_16ns",
	"ImageType": ["ORIGINAL", "PRIMARY", "M", "NORM", "DIS2D"],
	"AcquisitionTime": "10:13:59.060000",
	"MagneticFieldStrength": 3,
	"FlipAngle": 8,
	"EchoTime": 0.00225,
	"RepetitionTime": 2.4,
	"InversionTime": 1,
	"PhaseEncodingLines": 300,
	"AccelFactPE": 2,
	"PhaseEncodingDirection": "i-",
	"ConversionSoftware": "dcm2niix",
	"ConversionSoftwareVersion": "v1.0.20170624 (OpenJPEG build) MSC1900"
}
