{
	"Manufacturer": "Siemens",
	"ManufacturersModelName": "Prisma_fit",
	"EchoTrainLength": 96,
	"AcquisitionNumber": 1,
	"InstitutionName": "CCIR_PRISMA",
	"InstitutionAddress": "South_Kingshighway_510_Saint_Louis_MO_US_63110",
	"DeviceSerialNumber": "167047",
	"SoftwareVersions": "syngo_MR_E11",
	"ProcedureStepDescription": "CCIR-00900_Braver",
	"ScanningSequence": "EP",
	"SequenceVariant": "SK",
	"SeriesDescription": "SpinEchoFieldMap_PA_30degree_2.4mm",
	"BodyPartExamined": "BRAIN",
	"ProtocolName": "SpinEchoFieldMap_PA_30degree_2.4mm",
	"SequenceName": "epse2d1_96",
	"ImageType": ["ORIGINAL", "PRIMARY", "M", "ND", "MOSAIC"],
	"AcquisitionTime": "11:13:34.500000",
	"MagneticFieldStrength": 3,
	"FlipAngle": 90,
	"EchoTime": 0.066,
	"RepetitionTime": 8,
	"PhaseEncodingLines": 96,
	"BandwidthPerPixelPhaseEncode": 21.259,
	"EffectiveEchoSpacing": 0.000489989,
	"TotalReadoutTime": 0.0465489,
	"SliceTiming": [
		3.99,
		0,
		4.115,
		0.125,
		4.2375,
		0.25,
		4.3625,
		0.3725,
		4.4875,
		0.4975,
		4.6125,
		0.6225,
		4.7375,
		0.7475,
		4.8625,
		0.8725,
		4.9875,
		0.9975,
		5.1125,
		1.1225,
		5.235,
		1.245,
		5.36,
		1.37,
		5.485,
		1.495,
		5.61,
		1.62,
		5.735,
		1.745,
		5.86,
		1.87,
		5.985,
		1.995,
		6.1075,
		2.12,
		6.2325,
		2.2425,
		6.3575,
		2.3675,
		6.4825,
		2.4925,
		6.6075,
		2.6175,
		6.7325,
		2.7425,
		6.8575,
		2.8675,
		6.9825,
		2.9925,
		7.105,
		3.1175,
		7.23,
		3.24,
		7.355,
		3.365,
		7.48,
		3.49,
		7.605,
		3.615,
		7.73,
		3.74,
		7.855,
		3.865	],
	"PhaseEncodingDirection": "j",
	"ConversionSoftware": "dcm2niix",
	"IntendedFor": "ses-01/func/sub-MOCCAG001_ses-01_task-reward_acq-multiband2p4tiltAP_run-02_bold.nii.gz",
	"ConversionSoftwareVersion": "v1.0.20170624 (OpenJPEG build) MSC1900"
}
