{
	"Manufacturer": "Siemens",
	"ManufacturersModelName": "Prisma_fit",
	"EchoTrainLength": 76,
	"AcquisitionNumber": 1,
	"InstitutionName": "CCIR_PRISMA",
	"InstitutionAddress": "South_Kingshighway_510_Saint_Louis_MO_US_63110",
	"DeviceSerialNumber": "167047",
	"SoftwareVersions": "syngo_MR_E11",
	"ProcedureStepDescription": "CCIR-00900_Braver",
	"ScanningSequence": "EP",
	"SequenceVariant": "SK",
	"SeriesDescription": "SpinEchoFieldMap_PA_3mm",
	"BodyPartExamined": "BRAIN",
	"ProtocolName": "SpinEchoFieldMap_PA_3mm",
	"SequenceName": "epse2d1_76",
	"ImageType": ["ORIGINAL", "PRIMARY", "M", "ND", "MOSAIC"],
	"AcquisitionTime": "12:11:30.532500",
	"MagneticFieldStrength": 3,
	"FlipAngle": 90,
	"EchoTime": 0.066,
	"RepetitionTime": 8,
	"PhaseEncodingLines": 76,
	"BandwidthPerPixelPhaseEncode": 26.853,
	"EffectiveEchoSpacing": 0.000489997,
	"TotalReadoutTime": 0.0367498,
	"SliceTiming": [
		3.99,
		0,
		4.145,
		0.155,
		4.2975,
		0.3075,
		4.45,
		0.46,
		4.605,
		0.615,
		4.7575,
		0.7675,
		4.9125,
		0.9225,
		5.065,
		1.075,
		5.2175,
		1.2275,
		5.3725,
		1.3825,
		5.525,
		1.535,
		5.6775,
		1.69,
		5.8325,
		1.8425,
		5.985,
		1.995,
		6.14,
		2.15,
		6.2925,
		2.3025,
		6.445,
		2.455,
		6.6,
		2.61,
		6.7525,
		2.7625,
		6.9075,
		2.9175,
		7.06,
		3.07,
		7.2125,
		3.2225,
		7.3675,
		3.3775,
		7.52,
		3.53,
		7.6725,
		3.6825,
		7.8275,
		3.8375	],
	"PhaseEncodingDirection": "j",
	"ConversionSoftware": "dcm2niix",
	"IntendedFor": "ses-01/func/sub-MOCCAG001_ses-01_task-reward_acq-multiband3p0flatAP_run-07_bold.nii.gz",
	"ConversionSoftwareVersion": "v1.0.20170624 (OpenJPEG build) MSC1900"
}
