{
	"Manufacturer": "Siemens",
	"ManufacturersModelName": "Prisma_fit",
	"EchoTrainLength": 76,
	"AcquisitionNumber": 1,
	"InstitutionName": "CCIR_PRISMA",
	"InstitutionAddress": "South_Kingshighway_510_Saint_Louis_MO_US_63110",
	"DeviceSerialNumber": "167047",
	"SoftwareVersions": "syngo_MR_E11",
	"ProcedureStepDescription": "CCIR-00900_Braver",
	"ScanningSequence": "EP",
	"SequenceVariant": "SK",
	"SeriesDescription": "SpinEchoFieldMap_PA_30degree_3mm",
	"BodyPartExamined": "BRAIN",
	"ProtocolName": "SpinEchoFieldMap_PA_30degree_3mm",
	"SequenceName": "epse2d1_76",
	"ImageType": ["ORIGINAL", "PRIMARY", "M", "ND", "MOSAIC"],
	"AcquisitionTime": "11:32:42.535000",
	"MagneticFieldStrength": 3,
	"FlipAngle": 90,
	"EchoTime": 0.066,
	"RepetitionTime": 8,
	"PhaseEncodingLines": 76,
	"BandwidthPerPixelPhaseEncode": 26.853,
	"EffectiveEchoSpacing": 0.000489997,
	"TotalReadoutTime": 0.0367498,
	"SliceTiming": [
		3.99,
		0,
		4.1425,
		0.1525,
		4.2975,
		0.3075,
		4.45,
		0.46,
		4.6025,
		0.6125,
		4.7575,
		0.7675,
		4.91,
		0.92,
		5.065,
		1.075,
		5.2175,
		1.2275,
		5.37,
		1.38,
		5.525,
		1.535,
		5.6775,
		1.6875,
		5.83,
		1.84,
		5.985,
		1.995,
		6.1375,
		2.1475,
		6.2925,
		2.3025,
		6.445,
		2.455,
		6.5975,
		2.6075,
		6.7525,
		2.7625,
		6.905,
		2.915,
		7.06,
		3.07,
		7.2125,
		3.2225,
		7.365,
		3.375,
		7.52,
		3.53,
		7.6725,
		3.6825,
		7.825,
		3.835	],
	"PhaseEncodingDirection": "j",
	"ConversionSoftware": "dcm2niix",
	"IntendedFor": "ses-01/func/sub-MOCCAG001_ses-01_task-reward_acq-multiband3p0tiltAP_run-04_bold.nii.gz",
	"ConversionSoftwareVersion": "v1.0.20170624 (OpenJPEG build) MSC1900"
}
