{
	"Manufacturer": "Siemens",
	"ManufacturersModelName": "Prisma_fit",
	"EchoTrainLength": 96,
	"AcquisitionNumber": 1,
	"InstitutionName": "CCIR_PRISMA",
	"InstitutionAddress": "South_Kingshighway_510_Saint_Louis_MO_US_63110",
	"DeviceSerialNumber": "167047",
	"SoftwareVersions": "syngo_MR_E11",
	"ProcedureStepDescription": "CCIR-00900_Braver",
	"ScanningSequence": "EP",
	"SequenceVariant": "SK",
	"SeriesDescription": "SpinEchoFieldMap_AP_2.4mm",
	"BodyPartExamined": "BRAIN",
	"ProtocolName": "SpinEchoFieldMap_AP_2.4mm",
	"SequenceName": "epse2d1_96",
	"ImageType": ["ORIGINAL", "PRIMARY", "M", "ND", "MOSAIC"],
	"AcquisitionTime": "11:52:59.792500",
	"MagneticFieldStrength": 3,
	"FlipAngle": 90,
	"EchoTime": 0.066,
	"RepetitionTime": 8,
	"PhaseEncodingLines": 96,
	"BandwidthPerPixelPhaseEncode": 21.259,
	"EffectiveEchoSpacing": 0.000489989,
	"TotalReadoutTime": 0.0465489,
	"SliceTiming": [
		3.99,
		0,
		4.1225,
		0.1325,
		4.255,
		0.265,
		4.39,
		0.4,
		4.5225,
		0.5325,
		4.655,
		0.665,
		4.7875,
		0.7975,
		4.92,
		0.93,
		5.055,
		1.065,
		5.1875,
		1.1975,
		5.32,
		1.33,
		5.4525,
		1.4625,
		5.585,
		1.595,
		5.72,
		1.73,
		5.8525,
		1.8625,
		5.985,
		1.995,
		6.1175,
		2.1275,
		6.25,
		2.26,
		6.385,
		2.395,
		6.5175,
		2.5275,
		6.65,
		2.66,
		6.7825,
		2.7925,
		6.915,
		2.925,
		7.0475,
		3.06,
		7.1825,
		3.1925,
		7.315,
		3.325,
		7.4475,
		3.4575,
		7.58,
		3.59,
		7.7125,
		3.725,
		7.8475,
		3.8575	],
	"PhaseEncodingDirection": "j-",
	"ConversionSoftware": "dcm2niix",
	"IntendedFor": "ses-01/func/sub-MOCCAG001_ses-01_task-reward_acq-multiband2p4flatPA_run-06_bold.nii.gz",
	"ConversionSoftwareVersion": "v1.0.20170624 (OpenJPEG build) MSC1900"
}
