{
	"Manufacturer": "Siemens",
	"ManufacturersModelName": "Prisma_fit",
	"EchoTrainLength": 96,
	"AcquisitionNumber": 1,
	"InstitutionName": "CCIR_PRISMA",
	"InstitutionAddress": "South_Kingshighway_510_Saint_Louis_MO_US_63110",
	"DeviceSerialNumber": "167047",
	"SoftwareVersions": "syngo_MR_E11",
	"ProcedureStepDescription": "CCIR-00900_Braver",
	"ScanningSequence": "EP",
	"SequenceVariant": "SK_SS",
	"SeriesDescription": "CMRR_rfMRI_REST_PA_30_degree_2.4mm_SBRef",
	"BodyPartExamined": "BRAIN",
	"ProtocolName": "CMRR_rfMRI_REST_PA_30_degree_2.4mm",
	"SequenceName": "epfid2d1_96",
	"ImageType": ["ORIGINAL", "PRIMARY", "M", "ND", "NORM", "MOSAIC"],
	"AcquisitionTime": "11:15:11.332500",
	"MagneticFieldStrength": 3,
	"FlipAngle": 52,
	"EchoTime": 0.03,
	"RepetitionTime": 1.2,
	"PhaseEncodingLines": 96,
	"BandwidthPerPixelPhaseEncode": 21.259,
	"EffectiveEchoSpacing": 0.000489989,
	"TotalReadoutTime": 0.0465489,
	"SliceTiming": [
		0,
		0.0725,
		0.1475,
		0.22,
		0.295,
		0.3675,
		0.4425,
		0.515,
		0.59,
		0.6625,
		0.7375,
		0.81,
		0.885,
		0.9575,
		1.0325,
		1.105,
		1.18,
		1.2525,
		1.3275,
		1.4,
		1.475,
		1.5475,
		1.6225,
		1.695,
		1.77,
		1.8425,
		1.9175,
		1.99,
		2.065,
		2.1375,
		2.21,
		2.285,
		2.3575,
		2.4325,
		2.505,
		2.58,
		2.6525,
		2.7275,
		2.8,
		2.875,
		2.9475,
		3.0225,
		3.095,
		3.17,
		3.2425,
		3.3175,
		3.39,
		3.465,
		3.5375,
		3.6125,
		3.685,
		3.76,
		3.8325,
		3.9075,
		3.98,
		4.055,
		4.1275,
		4.2025,
		4.275,
		4.35,
		4.4225,
		4.4975,
		4.57,
		4.645	],
	"PhaseEncodingDirection": "j",
	"ConversionSoftware": "dcm2niix",
	"ConversionSoftwareVersion": "v1.0.20170624 (OpenJPEG build) MSC1900"
}
