{
	"Manufacturer": "Siemens",
	"ManufacturersModelName": "Prisma_fit",
	"EchoTrainLength": 96,
	"AcquisitionNumber": 1,
	"InstitutionName": "CCIR_PRISMA",
	"InstitutionAddress": "South_Kingshighway_510_Saint_Louis_MO_US_63110",
	"DeviceSerialNumber": "167047",
	"SoftwareVersions": "syngo_MR_E11",
	"ProcedureStepDescription": "CCIR-00900_Braver",
	"ScanningSequence": "EP",
	"SequenceVariant": "SK_SS",
	"SeriesDescription": "CMRR_fMRI_TASK_AP_2.4mm_368meas_SBRef",
	"BodyPartExamined": "BRAIN",
	"ProtocolName": "CMRR_fMRI_TASK_AP_2.4mm_368meas",
	"SequenceName": "epfid2d1_96",
	"ImageType": ["ORIGINAL", "PRIMARY", "M", "ND", "NORM", "MOSAIC"],
	"AcquisitionTime": "11:54:5.685000",
	"MagneticFieldStrength": 3,
	"FlipAngle": 52,
	"EchoTime": 0.03,
	"RepetitionTime": 1.2,
	"PhaseEncodingLines": 96,
	"BandwidthPerPixelPhaseEncode": 21.259,
	"EffectiveEchoSpacing": 0.000489989,
	"TotalReadoutTime": 0.0465489,
	"SliceTiming": [
		0,
		0.08,
		0.1575,
		0.2375,
		0.315,
		0.395,
		0.4725,
		0.5525,
		0.63,
		0.7075,
		0.7875,
		0.865,
		0.945,
		1.0225,
		1.1025,
		1.18,
		1.26,
		1.3375,
		1.4175,
		1.495,
		1.575,
		1.6525,
		1.7325,
		1.81,
		1.8875,
		1.9675,
		2.045,
		2.125,
		2.2025,
		2.2825,
		2.36,
		2.44,
		2.5175,
		2.5975,
		2.675,
		2.755,
		2.8325,
		2.91,
		2.99,
		3.0675,
		3.1475,
		3.225,
		3.305,
		3.3825,
		3.4625,
		3.54,
		3.62,
		3.6975,
		3.7775,
		3.855,
		3.9325,
		4.0125,
		4.09,
		4.17,
		4.2475,
		4.3275,
		4.405,
		4.485,
		4.5625,
		4.6425	],
	"PhaseEncodingDirection": "j-",
	"ConversionSoftware": "dcm2niix",
	"ConversionSoftwareVersion": "v1.0.20170624 (OpenJPEG build) MSC1900"
}
