{
	"Manufacturer": "Siemens",
	"ManufacturersModelName": "Prisma_fit",
	"EchoTrainLength": 96,
	"AcquisitionNumber": 1,
	"InstitutionName": "CCIR_PRISMA",
	"InstitutionAddress": "South_Kingshighway_510_Saint_Louis_MO_US_63110",
	"DeviceSerialNumber": "167047",
	"SoftwareVersions": "syngo_MR_E11",
	"ProcedureStepDescription": "CCIR-00900_Braver",
	"ScanningSequence": "EP",
	"SequenceVariant": "SK_SS",
	"SeriesDescription": "CMRR_rfMRI_REST_AP_30_degree_2.4mm",
	"BodyPartExamined": "BRAIN",
	"ProtocolName": "CMRR_rfMRI_REST_AP_30_degree_2.4mm",
	"SequenceName": "epfid2d1_96",
	"ImageType": ["ORIGINAL", "PRIMARY", "M", "MB", "ND", "NORM", "MOSAIC"],
	"AcquisitionTime": "11:23:47.875000",
	"MagneticFieldStrength": 3,
	"FlipAngle": 52,
	"EchoTime": 0.03,
	"RepetitionTime": 1.2,
	"PhaseEncodingLines": 96,
	"BandwidthPerPixelPhaseEncode": 21.259,
	"EffectiveEchoSpacing": 0.000489989,
	"TotalReadoutTime": 0.0465489,
	"SliceTiming": [
		0,
		0.5175,
		1.0325,
		0.37,
		0.885,
		0.2225,
		0.7375,
		0.075,
		0.59,
		1.1075,
		0.4425,
		0.96,
		0.295,
		0.8125,
		0.1475,
		0.665,
		0,
		0.5175,
		1.0325,
		0.37,
		0.885,
		0.2225,
		0.7375,
		0.075,
		0.59,
		1.1075,
		0.4425,
		0.96,
		0.295,
		0.8125,
		0.1475,
		0.665,
		0,
		0.5175,
		1.0325,
		0.37,
		0.885,
		0.2225,
		0.7375,
		0.075,
		0.59,
		1.1075,
		0.4425,
		0.96,
		0.295,
		0.8125,
		0.1475,
		0.665,
		0,
		0.5175,
		1.0325,
		0.37,
		0.885,
		0.2225,
		0.7375,
		0.075,
		0.59,
		1.1075,
		0.4425,
		0.96,
		0.295,
		0.8125,
		0.1475,
		0.665	],
	"PhaseEncodingDirection": "j-",
	"ConversionSoftware": "dcm2niix",
	"TaskName": "reward",
	"ConversionSoftwareVersion": "v1.0.20170624 (OpenJPEG build) MSC1900"
}
