{
	"Manufacturer": "Siemens",
	"ManufacturersModelName": "Prisma_fit",
	"EchoTrainLength": 96,
	"AcquisitionNumber": 1,
	"InstitutionName": "CCIR_PRISMA",
	"InstitutionAddress": "South_Kingshighway_510_Saint_Louis_MO_US_63110",
	"DeviceSerialNumber": "167047",
	"SoftwareVersions": "syngo_MR_E11",
	"ProcedureStepDescription": "CCIR-00900_Braver",
	"ScanningSequence": "EP",
	"SequenceVariant": "SK_SS",
	"SeriesDescription": "CMRR_fMRI_TASK_PA_2.4mm_368meas",
	"BodyPartExamined": "BRAIN",
	"ProtocolName": "CMRR_fMRI_TASK_PA_2.4mm_368meas",
	"SequenceName": "epfid2d1_96",
	"ImageType": ["ORIGINAL", "PRIMARY", "M", "MB", "ND", "NORM", "MOSAIC"],
	"AcquisitionTime": "12:03:49.977500",
	"MagneticFieldStrength": 3,
	"FlipAngle": 52,
	"EchoTime": 0.03,
	"RepetitionTime": 1.2,
	"PhaseEncodingLines": 96,
	"BandwidthPerPixelPhaseEncode": 21.259,
	"EffectiveEchoSpacing": 0.000489989,
	"TotalReadoutTime": 0.0465489,
	"SliceTiming": [
		0,
		0.6275,
		0.0775,
		0.7075,
		0.155,
		0.785,
		0.235,
		0.865,
		0.3125,
		0.9425,
		0.3925,
		1.0225,
		0.47,
		1.1,
		0.55,
		0,
		0.6275,
		0.0775,
		0.7075,
		0.155,
		0.785,
		0.235,
		0.865,
		0.3125,
		0.9425,
		0.3925,
		1.0225,
		0.47,
		1.1,
		0.55,
		0,
		0.6275,
		0.0775,
		0.7075,
		0.155,
		0.785,
		0.235,
		0.865,
		0.3125,
		0.9425,
		0.3925,
		1.0225,
		0.47,
		1.1,
		0.55,
		0,
		0.6275,
		0.0775,
		0.7075,
		0.155,
		0.785,
		0.235,
		0.865,
		0.3125,
		0.9425,
		0.3925,
		1.0225,
		0.47,
		1.1,
		0.55	],
	"PhaseEncodingDirection": "j",
	"ConversionSoftware": "dcm2niix",
	"TaskName": "reward",
	"ConversionSoftwareVersion": "v1.0.20170624 (OpenJPEG build) MSC1900"
}
