{
	"Manufacturer": "Siemens",
	"ManufacturersModelName": "Prisma_fit",
	"EchoTrainLength": 96,
	"AcquisitionNumber": 1,
	"InstitutionName": "CCIR_PRISMA",
	"InstitutionAddress": "South_Kingshighway_510_Saint_Louis_MO_US_63110",
	"DeviceSerialNumber": "167047",
	"SoftwareVersions": "syngo_MR_E11",
	"ProcedureStepDescription": "CCIR-00900_Braver",
	"ScanningSequence": "EP",
	"SequenceVariant": "SK_SS",
	"SeriesDescription": "CMRR_rfMRI_REST_AP_30_degree_2.4mm_SBRef",
	"BodyPartExamined": "BRAIN",
	"ProtocolName": "CMRR_rfMRI_REST_AP_30_degree_2.4mm",
	"SequenceName": "epfid2d1_96",
	"ImageType": ["ORIGINAL", "PRIMARY", "M", "ND", "NORM", "MOSAIC"],
	"AcquisitionTime": "11:23:39.475000",
	"MagneticFieldStrength": 3,
	"FlipAngle": 52,
	"EchoTime": 0.03,
	"RepetitionTime": 1.2,
	"PhaseEncodingLines": 96,
	"BandwidthPerPixelPhaseEncode": 21.259,
	"EffectiveEchoSpacing": 0.000489989,
	"TotalReadoutTime": 0.0465489,
	"SliceTiming": [
		0,
		0.075,
		0.1475,
		0.2225,
		0.295,
		0.37,
		0.4425,
		0.5175,
		0.59,
		0.665,
		0.7375,
		0.8125,
		0.885,
		0.96,
		1.0325,
		1.1075,
		1.18,
		1.255,
		1.3275,
		1.4025,
		1.475,
		1.55,
		1.6225,
		1.6975,
		1.77,
		1.845,
		1.9175,
		1.9925,
		2.065,
		2.14,
		2.2125,
		2.2875,
		2.36,
		2.435,
		2.5075,
		2.5825,
		2.655,
		2.73,
		2.8025,
		2.8775,
		2.95,
		3.025,
		3.0975,
		3.17,
		3.245,
		3.3175,
		3.3925,
		3.465,
		3.54,
		3.6125,
		3.6875,
		3.76,
		3.835,
		3.9075,
		3.9825,
		4.055,
		4.13,
		4.2025,
		4.2775,
		4.35,
		4.425,
		4.4975,
		4.5725,
		4.645	],
	"PhaseEncodingDirection": "j-",
	"ConversionSoftware": "dcm2niix",
	"ConversionSoftwareVersion": "v1.0.20170624 (OpenJPEG build) MSC1900"
}
