{
	"Manufacturer": "Siemens",
	"ManufacturersModelName": "Prisma_fit",
	"EchoTrainLength": 96,
	"AcquisitionNumber": 1,
	"InstitutionName": "CCIR_PRISMA",
	"InstitutionAddress": "South_Kingshighway_510_Saint_Louis_MO_US_63110",
	"DeviceSerialNumber": "167047",
	"SoftwareVersions": "syngo_MR_E11",
	"ProcedureStepDescription": "CCIR-00900_Braver",
	"ScanningSequence": "EP",
	"SequenceVariant": "SK_SS",
	"SeriesDescription": "CMRR_fMRI_TASK_AP_2.4mm_368meas",
	"BodyPartExamined": "BRAIN",
	"ProtocolName": "CMRR_fMRI_TASK_AP_2.4mm_368meas",
	"SequenceName": "epfid2d1_96",
	"ImageType": ["ORIGINAL", "PRIMARY", "M", "MB", "ND", "NORM", "MOSAIC"],
	"AcquisitionTime": "11:54:14.085000",
	"MagneticFieldStrength": 3,
	"FlipAngle": 52,
	"EchoTime": 0.03,
	"RepetitionTime": 1.2,
	"PhaseEncodingLines": 96,
	"BandwidthPerPixelPhaseEncode": 21.259,
	"EffectiveEchoSpacing": 0.000489989,
	"TotalReadoutTime": 0.0465489,
	"SliceTiming": [
		0,
		0.63,
		0.08,
		0.7075,
		0.1575,
		0.7875,
		0.2375,
		0.865,
		0.315,
		0.945,
		0.395,
		1.0225,
		0.4725,
		1.1025,
		0.5525,
		0,
		0.63,
		0.08,
		0.7075,
		0.1575,
		0.7875,
		0.2375,
		0.865,
		0.315,
		0.945,
		0.395,
		1.0225,
		0.4725,
		1.1025,
		0.5525,
		0,
		0.63,
		0.08,
		0.7075,
		0.1575,
		0.7875,
		0.2375,
		0.865,
		0.315,
		0.945,
		0.395,
		1.0225,
		0.4725,
		1.1025,
		0.5525,
		0,
		0.63,
		0.08,
		0.7075,
		0.1575,
		0.7875,
		0.2375,
		0.865,
		0.315,
		0.945,
		0.395,
		1.0225,
		0.4725,
		1.1025,
		0.5525	],
	"PhaseEncodingDirection": "j-",
	"ConversionSoftware": "dcm2niix",
	"TaskName": "reward",
	"ConversionSoftwareVersion": "v1.0.20170624 (OpenJPEG build) MSC1900"
}
