{
	"Manufacturer": "Siemens",
	"ManufacturersModelName": "Prisma_fit",
	"EchoTrainLength": 76,
	"AcquisitionNumber": 1,
	"InstitutionName": "CCIR_PRISMA",
	"InstitutionAddress": "South_Kingshighway_510_Saint_Louis_MO_US_63110",
	"DeviceSerialNumber": "167047",
	"SoftwareVersions": "syngo_MR_E11",
	"ProcedureStepDescription": "CCIR-00900_Braver",
	"ScanningSequence": "EP",
	"SequenceVariant": "SK_SS",
	"SeriesDescription": "CMRR_rfMRI_REST_PA_30_degree_3mm_442meas._SBRef",
	"BodyPartExamined": "BRAIN",
	"ProtocolName": "CMRR_rfMRI_REST_PA_30_degree_3mm_442meas.",
	"SequenceName": "epfid2d1_76",
	"ImageType": ["ORIGINAL", "PRIMARY", "M", "ND", "NORM", "MOSAIC"],
	"AcquisitionTime": "11:37:2.495000",
	"MagneticFieldStrength": 3,
	"FlipAngle": 52,
	"EchoTime": 0.03,
	"RepetitionTime": 1,
	"PhaseEncodingLines": 76,
	"BandwidthPerPixelPhaseEncode": 26.853,
	"EffectiveEchoSpacing": 0.000489997,
	"TotalReadoutTime": 0.0367498,
	"SliceTiming": [
		0,
		0.07,
		0.14,
		0.21,
		0.28,
		0.35,
		0.42,
		0.49,
		0.56,
		0.63,
		0.7,
		0.77,
		0.84,
		0.91,
		0.98,
		1.05,
		1.12,
		1.19,
		1.26,
		1.33,
		1.4,
		1.47,
		1.54,
		1.61,
		1.68,
		1.75,
		1.82,
		1.89,
		1.96,
		2.03,
		2.1,
		2.17,
		2.24,
		2.31,
		2.38,
		2.45,
		2.52,
		2.59,
		2.66,
		2.73,
		2.8,
		2.87,
		2.94,
		3.01,
		3.08,
		3.15,
		3.22,
		3.29,
		3.36,
		3.43,
		3.5,
		3.57,
		3.64,
		3.71,
		3.78,
		3.85	],
	"PhaseEncodingDirection": "j",
	"ConversionSoftware": "dcm2niix",
	"ConversionSoftwareVersion": "v1.0.20170624 (OpenJPEG build) MSC1900"
}
