{
	"Manufacturer": "Siemens",
	"ManufacturersModelName": "Prisma_fit",
	"EchoTrainLength": 76,
	"AcquisitionNumber": 1,
	"InstitutionName": "CCIR_PRISMA",
	"InstitutionAddress": "South_Kingshighway_510_Saint_Louis_MO_US_63110",
	"DeviceSerialNumber": "167047",
	"SoftwareVersions": "syngo_MR_E11",
	"ProcedureStepDescription": "CCIR-00900_Braver",
	"ScanningSequence": "EP",
	"SequenceVariant": "SK_SS",
	"SeriesDescription": "CMRR_rfMRI_REST_AP_30_degree_3mm_442meas.",
	"BodyPartExamined": "BRAIN",
	"ProtocolName": "CMRR_rfMRI_REST_AP_30_degree_3mm_442meas.",
	"SequenceName": "epfid2d1_76",
	"ImageType": ["ORIGINAL", "PRIMARY", "M", "MB", "ND", "NORM", "MOSAIC"],
	"AcquisitionTime": "11:45:25.857500",
	"MagneticFieldStrength": 3,
	"FlipAngle": 52,
	"EchoTime": 0.03,
	"RepetitionTime": 1,
	"PhaseEncodingLines": 76,
	"BandwidthPerPixelPhaseEncode": 26.853,
	"EffectiveEchoSpacing": 0.000489997,
	"TotalReadoutTime": 0.0367498,
	"SliceTiming": [
		0,
		0.21,
		0.42,
		0.63,
		0.84,
		0.07,
		0.28,
		0.49,
		0.7,
		0.91,
		0.14,
		0.35,
		0.56,
		0.77,
		0,
		0.21,
		0.42,
		0.63,
		0.84,
		0.07,
		0.28,
		0.49,
		0.7,
		0.91,
		0.14,
		0.35,
		0.56,
		0.77,
		0,
		0.21,
		0.42,
		0.63,
		0.84,
		0.07,
		0.28,
		0.49,
		0.7,
		0.91,
		0.14,
		0.35,
		0.56,
		0.77,
		0,
		0.21,
		0.42,
		0.63,
		0.84,
		0.07,
		0.28,
		0.49,
		0.7,
		0.91,
		0.14,
		0.35,
		0.56,
		0.77	],
	"PhaseEncodingDirection": "j-",
	"ConversionSoftware": "dcm2niix",
	"TaskName": "reward",
	"ConversionSoftwareVersion": "v1.0.20170624 (OpenJPEG build) MSC1900"
}
