{
	"Modality": "MR",
	"MagneticFieldStrength": 3,
	"Manufacturer": "Siemens",
	"ManufacturersModelName": "Prisma_fit",
	"InstitutionName": "CCIR_PRISMA",
	"InstitutionalDepartmentName": "WP-MR30A",
	"InstitutionAddress": "South_Kingshighway_510_Saint_Louis_MO_US_63110",
	"DeviceSerialNumber": "167047",
	"StationName": "CCIRWP-MR30A",
	"BodyPartExamined": "BRAIN",
	"PatientPosition": "HFS",
	"ProcedureStepDescription": "CCIR-00900_CCIR-0986_Braver",
	"SoftwareVersions": "syngo_MR_E11",
	"MRAcquisitionType": "2D",
	"SeriesDescription": "CMRR_fMRI_TASK_AP_3mm_596meas",
	"ProtocolName": "CMRR_fMRI_TASK_AP_3mm_596meas",
	"ScanningSequence": "EP",
	"SequenceVariant": "SK_SS",
	"ScanOptions": "FS_EXT",
	"SequenceName": "epfid2d1_76",
	"ImageType": ["ORIGINAL", "PRIMARY", "M", "MB", "ND", "NORM", "MOSAIC"],
	"SeriesNumber": 23,
	"AcquisitionTime": "15:20:45.447500",
	"AcquisitionNumber": 1,
	"ImageComments": "Unaliased_MB2_PE2_LB",
	"SliceThickness": 3,
	"SpacingBetweenSlices": 3,
	"SAR": 0.0473033,
	"EchoTime": 0.03,
	"RepetitionTime": 1.8,
	"FlipAngle": 52,
	"PartialFourier": 1,
	"BaseResolution": 76,
	"ShimSetting": [
		4590,
		7662,
		1624,
		348,
		-3,
		-151,
		68,
		58	],
	"TxRefAmp": 276.498,
	"PhaseResolution": 1,
	"ReceiveCoilName": "Head_32",
	"ReceiveCoilActiveElements": "HEA;HEP",
	"PulseSequenceDetails": "%CustomerSeq%_cmrr_mbep2d_bold",
	"ConsistencyInfo": "N4_VE11C_LATEST_20160120",
	"MultibandAccelerationFactor": 2,
	"PercentPhaseFOV": 100,
	"EchoTrainLength": 76,
	"PhaseEncodingSteps": 76,
	"AcquisitionMatrixPE": 76,
	"ReconMatrixPE": 76,
	"BandwidthPerPixelPhaseEncode": 26.853,
	"EffectiveEchoSpacing": 0.000489997,
	"DerivedVendorReportedEchoSpacing": 0.000489997,
	"TotalReadoutTime": 0.0367498,
	"PixelBandwidth": 2630,
	"DwellTime": 2.5e-06,
	"PhaseEncodingDirection": "j-",
	"SliceTiming": [
		0,
		1.3,
		0.82,
		0.3425,
		1.6425,
		1.1625,
		0.6825,
		0.205,
		1.505,
		1.025,
		0.5475,
		0.0675,
		1.3675,
		0.89,
		0.41,
		1.71,
		1.2325,
		0.7525,
		0.2725,
		1.5725,
		1.095,
		0.615,
		0.135,
		1.4375,
		0.9575,
		0.4775,
		0,
		1.3,
		0.82,
		0.3425,
		1.6425,
		1.1625,
		0.6825,
		0.205,
		1.505,
		1.025,
		0.5475,
		0.0675,
		1.3675,
		0.89,
		0.41,
		1.71,
		1.2325,
		0.7525,
		0.2725,
		1.5725,
		1.095,
		0.615,
		0.135,
		1.4375,
		0.9575,
		0.4775	],
	"ImageOrientationPatientDICOM": [
		0.998569,
		0.0332019,
		-0.0419231,
		-0.0268461,
		0.989216,
		0.143983	],
	"InPlanePhaseEncodingDirectionDICOM": "COL",
	"ConversionSoftware": "dcm2niix",
	"TaskName": "delay",
	"ConversionSoftwareVersion": "v1.0.20180328 (OpenJPEG build) Clang8.1.0"
}
