{
	"Modality": "MR",
	"MagneticFieldStrength": 3,
	"Manufacturer": "Siemens",
	"ManufacturersModelName": "Prisma_fit",
	"InstitutionName": "CCIR_PRISMA",
	"InstitutionalDepartmentName": "WP-MR30A",
	"InstitutionAddress": "South_Kingshighway_510_Saint_Louis_MO_US_63110",
	"DeviceSerialNumber": "167047",
	"StationName": "CCIRWP-MR30A",
	"BodyPartExamined": "BRAIN",
	"PatientPosition": "HFS",
	"ProcedureStepDescription": "CCIR-00900_CCIR-0986_Braver",
	"SoftwareVersions": "syngo_MR_E11",
	"MRAcquisitionType": "2D",
	"SeriesDescription": "CMRR_fMRI_TASK_AP_2.4mm_893meas_SBRef",
	"ProtocolName": "CMRR_fMRI_TASK_AP_2.4mm_893meas",
	"ScanningSequence": "EP",
	"SequenceVariant": "SK_SS",
	"ScanOptions": "FS_EXT",
	"SequenceName": "epfid2d1_96",
	"ImageType": ["ORIGINAL", "PRIMARY", "M", "ND", "NORM", "MOSAIC"],
	"SeriesNumber": 14,
	"AcquisitionTime": "14:44:35.360000",
	"AcquisitionNumber": 1,
	"ImageComments": "Single-band_reference",
	"SliceThickness": 2.4,
	"SpacingBetweenSlices": 2.4,
	"SAR": 0.0616192,
	"EchoTime": 0.03,
	"RepetitionTime": 1.2,
	"FlipAngle": 52,
	"PartialFourier": 1,
	"BaseResolution": 96,
	"ShimSetting": [
		4589,
		7664,
		1628,
		357,
		-6,
		-147,
		68,
		58	],
	"TxRefAmp": 276.498,
	"PhaseResolution": 1,
	"ReceiveCoilName": "Head_32",
	"ReceiveCoilActiveElements": "HEA;HEP",
	"PulseSequenceDetails": "%CustomerSeq%_cmrr_mbep2d_bold",
	"ConsistencyInfo": "N4_VE11C_LATEST_20160120",
	"PercentPhaseFOV": 100,
	"EchoTrainLength": 96,
	"PhaseEncodingSteps": 96,
	"AcquisitionMatrixPE": 96,
	"ReconMatrixPE": 96,
	"BandwidthPerPixelPhaseEncode": 21.259,
	"EffectiveEchoSpacing": 0.000489989,
	"DerivedVendorReportedEchoSpacing": 0.000489989,
	"TotalReadoutTime": 0.0465489,
	"PixelBandwidth": 2605,
	"DwellTime": 2e-06,
	"PhaseEncodingDirection": "j-",
	"SliceTiming": [
		0,
		0.08,
		0.1575,
		0.235,
		0.315,
		0.3925,
		0.4725,
		0.55,
		0.63,
		0.7075,
		0.7875,
		0.865,
		0.945,
		1.0225,
		1.1025,
		1.18,
		1.26,
		1.3375,
		1.415,
		1.495,
		1.5725,
		1.6525,
		1.73,
		1.81,
		1.8875,
		1.9675,
		2.045,
		2.125,
		2.2025,
		2.2825,
		2.36,
		2.4375,
		2.5175,
		2.595,
		2.675,
		2.7525,
		2.8325,
		2.91,
		2.99,
		3.0675,
		3.1475,
		3.225,
		3.305,
		3.3825,
		3.4625,
		3.54,
		3.6175,
		3.6975,
		3.775,
		3.855,
		3.9325,
		4.0125,
		4.09,
		4.17,
		4.2475,
		4.3275,
		4.405,
		4.485,
		4.5625,
		4.64	],
	"ImageOrientationPatientDICOM": [
		0.998569,
		0.0332019,
		-0.0419231,
		-0.0268461,
		0.989216,
		0.143983	],
	"InPlanePhaseEncodingDirectionDICOM": "COL",
	"ConversionSoftware": "dcm2niix",
	"ConversionSoftwareVersion": "v1.0.20180328 (OpenJPEG build) Clang8.1.0"
}
