{
	"Modality": "MR",
	"MagneticFieldStrength": 3,
	"Manufacturer": "Siemens",
	"ManufacturersModelName": "Prisma_fit",
	"InstitutionName": "CCIR_PRISMA",
	"InstitutionalDepartmentName": "WP-MR30A",
	"InstitutionAddress": "South_Kingshighway_510_Saint_Louis_MO_US_63110",
	"DeviceSerialNumber": "167047",
	"StationName": "CCIRWP-MR30A",
	"BodyPartExamined": "BRAIN",
	"PatientPosition": "HFS",
	"ProcedureStepDescription": "CCIR-00900_CCIR-0986_Braver",
	"SoftwareVersions": "syngo_MR_E11",
	"MRAcquisitionType": "2D",
	"SeriesDescription": "CMRR_fMRI_TASK_PA_3mm_596meas_SBRef",
	"ProtocolName": "CMRR_fMRI_TASK_PA_3mm_596meas",
	"ScanningSequence": "EP",
	"SequenceVariant": "SK_SS",
	"ScanOptions": "FS_EXT",
	"SequenceName": "epfid2d1_76",
	"ImageType": ["ORIGINAL", "PRIMARY", "M", "ND", "NORM", "MOSAIC"],
	"SeriesNumber": 25,
	"AcquisitionTime": "15:37:20.872500",
	"AcquisitionNumber": 1,
	"ImageComments": "Single-band_reference",
	"SliceThickness": 3,
	"SpacingBetweenSlices": 3,
	"SAR": 0.0473033,
	"EchoTime": 0.03,
	"RepetitionTime": 1.8,
	"FlipAngle": 52,
	"PartialFourier": 1,
	"BaseResolution": 76,
	"ShimSetting": [
		4590,
		7662,
		1624,
		348,
		-3,
		-151,
		68,
		58	],
	"TxRefAmp": 276.498,
	"PhaseResolution": 1,
	"ReceiveCoilName": "Head_32",
	"ReceiveCoilActiveElements": "HEA;HEP",
	"PulseSequenceDetails": "%CustomerSeq%_cmrr_mbep2d_bold",
	"ConsistencyInfo": "N4_VE11C_LATEST_20160120",
	"PercentPhaseFOV": 100,
	"EchoTrainLength": 76,
	"PhaseEncodingSteps": 76,
	"AcquisitionMatrixPE": 76,
	"ReconMatrixPE": 76,
	"BandwidthPerPixelPhaseEncode": 26.853,
	"EffectiveEchoSpacing": 0.000489997,
	"DerivedVendorReportedEchoSpacing": 0.000489997,
	"TotalReadoutTime": 0.0367498,
	"PixelBandwidth": 2630,
	"DwellTime": 2.5e-06,
	"PhaseEncodingDirection": "j",
	"SliceTiming": [
		0,
		0.07,
		0.1375,
		0.205,
		0.275,
		0.3425,
		0.4125,
		0.48,
		0.5475,
		0.6175,
		0.685,
		0.7525,
		0.8225,
		0.89,
		0.96,
		1.0275,
		1.095,
		1.165,
		1.2325,
		1.3025,
		1.37,
		1.4375,
		1.5075,
		1.575,
		1.6425,
		1.7125,
		1.78,
		1.85,
		1.9175,
		1.985,
		2.055,
		2.1225,
		2.1925,
		2.26,
		2.3275,
		2.3975,
		2.465,
		2.5325,
		2.6025,
		2.67,
		2.74,
		2.8075,
		2.875,
		2.945,
		3.0125,
		3.0825,
		3.15,
		3.2175,
		3.2875,
		3.355,
		3.4225,
		3.4925	],
	"ImageOrientationPatientDICOM": [
		0.998569,
		0.0332019,
		-0.0419231,
		-0.0268461,
		0.989216,
		0.143983	],
	"InPlanePhaseEncodingDirectionDICOM": "COL",
	"ConversionSoftware": "dcm2niix",
	"ConversionSoftwareVersion": "v1.0.20180328 (OpenJPEG build) Clang8.1.0"
}
