{
	"Modality": "MR",
	"MagneticFieldStrength": 3,
	"Manufacturer": "Siemens",
	"ManufacturersModelName": "Prisma_fit",
	"InstitutionName": "Center_for_Clinical_Imaging_Research",
	"InstitutionalDepartmentName": "WP-MR30A",
	"InstitutionAddress": "South_Kingshighway_510_Saint_Louis_MO_US_63110",
	"DeviceSerialNumber": "167047",
	"StationName": "CCIRWP-MR30A",
	"BodyPartExamined": "BRAIN",
	"PatientPosition": "HFS",
	"ProcedureStepDescription": "CCIR-00900_CCIR-0987_Braver",
	"SoftwareVersions": "syngo_MR_E11",
	"MRAcquisitionType": "2D",
	"SeriesDescription": "SpinEchoFieldMap_AP_3mm",
	"ProtocolName": "SpinEchoFieldMap_AP_3mm",
	"ScanningSequence": "EP",
	"SequenceVariant": "SK",
	"ScanOptions": "FS",
	"SequenceName": "epse2d1_76",
	"ImageType": ["ORIGINAL", "PRIMARY", "M", "ND", "MOSAIC"],
	"SeriesNumber": 23,
	"AcquisitionTime": "15:45:38.000000",
	"AcquisitionNumber": 1,
	"SliceThickness": 3,
	"SpacingBetweenSlices": 3,
	"SAR": 0.109605,
	"EchoTime": 0.066,
	"RepetitionTime": 8,
	"FlipAngle": 90,
	"PartialFourier": 1,
	"BaseResolution": 76,
	"ShimSetting": [
		4609,
		7711,
		1604,
		430,
		9,
		65,
		-33,
		-16	],
	"TxRefAmp": 239.132,
	"PhaseResolution": 1,
	"ReceiveCoilName": "Head_32",
	"ReceiveCoilActiveElements": "HEA;HEP",
	"PulseSequenceDetails": "%CustomerSeq%_cmrr_mbep2d_se",
	"ConsistencyInfo": "N4_VE11C_LATEST_20160120",
	"PercentPhaseFOV": 100,
	"EchoTrainLength": 76,
	"PhaseEncodingSteps": 76,
	"AcquisitionMatrixPE": 76,
	"ReconMatrixPE": 76,
	"BandwidthPerPixelPhaseEncode": 26.853,
	"EffectiveEchoSpacing": 0.000489997,
	"DerivedVendorReportedEchoSpacing": 0.000489997,
	"TotalReadoutTime": 0.0367498,
	"PixelBandwidth": 2630,
	"DwellTime": 2.5e-06,
	"PhaseEncodingDirection": "j-",
	"SliceTiming": [
		3.99,
		0,
		4.1425,
		0.1525,
		4.295,
		0.305,
		4.45,
		0.46,
		4.6025,
		0.6125,
		4.755,
		0.765,
		4.91,
		0.92,
		5.0625,
		1.0725,
		5.2175,
		1.2275,
		5.37,
		1.38,
		5.5225,
		1.5325,
		5.6775,
		1.6875,
		5.83,
		1.84,
		5.985,
		1.995,
		6.1375,
		2.1475,
		6.29,
		2.3,
		6.445,
		2.455,
		6.5975,
		2.6075,
		6.75,
		2.76,
		6.905,
		2.915,
		7.0575,
		3.0675,
		7.2125,
		3.2225,
		7.365,
		3.375,
		7.5175,
		3.5275,
		7.6725,
		3.6825,
		7.825,
		3.835	],
	"ImageOrientationPatientDICOM": [
		0.999268,
		-0.00144229,
		-0.0382226,
		-0.0031393,
		0.992825,
		-0.119535	],
	"InPlanePhaseEncodingDirectionDICOM": "COL",
	"ConversionSoftware": "dcm2niix",
	"IntendedFor": "ses-01/func/sub-MOCCAG002_ses-01_task-reward_acq-multiband3p0flatPA_run-04_bold.nii.gz",
	"ConversionSoftwareVersion": "v1.0.20180328 (OpenJPEG build) Clang8.1.0"
}
